{
  "AcquisitionDuration": 102.542,
  "AcquisitionMatrixPE": 80,
  "AcquisitionNumber": 1,
  "AcquisitionTime": "10:52:53.905000",
  "BaseResolution": 80,
  "BidsGuess": [
    "fmap",
    "_acq-fm2_phasediff"
  ],
  "BodyPartExamined": "BRAIN",
  "CoilCombinationMethod": "Sum of Squares",
  "CoilString": "HeadNeck_20",
  "ConversionSoftware": "dcm2niix",
  "ConversionSoftwareVersion": "v1.0.20240202",
  "DeviceSerialNumber": "166048",
  "DwellTime": 1.78e-05,
  "EchoNumber": 2,
  "EchoTime": 0.00738,
  "EchoTime1": 0.00492,
  "EchoTime2": 0.00738,
  "FlipAngle": 60,
  "FrequencyEncodingSteps": 80,
  "HeudiconvVersion": "1.3.3",
  "ImageComments": "Project: Smith-SRA",
  "ImageOrientationPatientDICOM": [
    1,
    0,
    0,
    0,
    1,
    0
  ],
  "ImageType": [
    "ORIGINAL",
    "PRIMARY",
    "P",
    "NONE",
    "PHASE"
  ],
  "ImageTypeText": [
    "ORIGINAL",
    "PRIMARY",
    "P",
    "DIS2D"
  ],
  "ImagingFrequency": 123.249119,
  "InPlanePhaseEncodingDirectionDICOM": "COL",
  "InstitutionAddress": "North 13th 1701,Philadelphia,PA,US,19122",
  "InstitutionName": "Temple University - Weiss Hall",
  "IntendedFor": [
    "ses-02/func/sub-10462_ses-02_task-doors_run-1_echo-1_part-mag_bold.nii.gz",
    "ses-02/func/sub-10462_ses-02_task-doors_run-1_echo-2_part-mag_bold.nii.gz",
    "ses-02/func/sub-10462_ses-02_task-doors_run-1_echo-3_part-mag_bold.nii.gz",
    "ses-02/func/sub-10462_ses-02_task-doors_run-1_echo-4_part-mag_bold.nii.gz",
    "ses-02/func/sub-10462_ses-02_task-socialdoors_run-1_echo-1_part-mag_bold.nii.gz",
    "ses-02/func/sub-10462_ses-02_task-socialdoors_run-1_echo-2_part-mag_bold.nii.gz",
    "ses-02/func/sub-10462_ses-02_task-socialdoors_run-1_echo-3_part-mag_bold.nii.gz",
    "ses-02/func/sub-10462_ses-02_task-socialdoors_run-1_echo-4_part-mag_bold.nii.gz",
    "ses-02/func/sub-10462_ses-02_task-ugr_run-1_echo-1_part-mag_bold.nii.gz",
    "ses-02/func/sub-10462_ses-02_task-ugr_run-1_echo-2_part-mag_bold.nii.gz",
    "ses-02/func/sub-10462_ses-02_task-ugr_run-1_echo-3_part-mag_bold.nii.gz",
    "ses-02/func/sub-10462_ses-02_task-ugr_run-1_echo-4_part-mag_bold.nii.gz",
    "ses-02/func/sub-10462_ses-02_task-ugr_run-2_echo-1_part-mag_bold.nii.gz",
    "ses-02/func/sub-10462_ses-02_task-ugr_run-2_echo-2_part-mag_bold.nii.gz",
    "ses-02/func/sub-10462_ses-02_task-ugr_run-2_echo-3_part-mag_bold.nii.gz",
    "ses-02/func/sub-10462_ses-02_task-ugr_run-2_echo-4_part-mag_bold.nii.gz"
  ],
  "MRAcquisitionType": "2D",
  "MTState": false,
  "MagneticFieldStrength": 3,
  "Manufacturer": "Siemens",
  "ManufacturersModelName": "MAGNETOM Prisma",
  "MatrixCoilMode": "SENSE",
  "Modality": "MR",
  "NonlinearGradientCorrection": true,
  "PartialFourier": 1,
  "PatientPosition": "HFS",
  "PercentPhaseFOV": 100,
  "PercentSampling": 100,
  "PhaseEncodingDirection": "j-",
  "PhaseEncodingSteps": 80,
  "PhaseResolution": 1,
  "PixelBandwidth": 351,
  "ProtocolName": "fmap_gre_field_mapping_2p8iso",
  "PulseSequenceDetails": "%SiemensSeq%\\gre_field_mapping",
  "PulseSequenceName": "*fm2d2r",
  "ReceiveCoilActiveElements": "HE1-4;NE1,2",
  "ReceiveCoilName": "HeadNeck_20",
  "ReconMatrixPE": 80,
  "RepetitionTime": 0.645,
  "ScanningSequence": "GR",
  "SequenceVariant": "SP",
  "SeriesDescription": "fmap_gre_field_mapping_2p8iso",
  "SeriesNumber": 6,
  "ShimSetting": [
    3005,
    -11720,
    6736,
    160,
    56,
    -422,
    -36,
    65
  ],
  "SliceThickness": 2.7,
  "SliceTiming": [
    0.3225,
    0,
    0.335,
    0.0125,
    0.3475,
    0.025,
    0.3575,
    0.0375,
    0.37,
    0.0475,
    0.3825,
    0.06,
    0.395,
    0.0725,
    0.4075,
    0.085,
    0.4175,
    0.095,
    0.43,
    0.1075,
    0.4425,
    0.12,
    0.455,
    0.1325,
    0.465,
    0.145,
    0.4775,
    0.155,
    0.49,
    0.1675,
    0.5025,
    0.18,
    0.515,
    0.1925,
    0.525,
    0.2025,
    0.5375,
    0.215,
    0.55,
    0.2275,
    0.5625,
    0.24,
    0.5725,
    0.25,
    0.585,
    0.2625,
    0.5975,
    0.275,
    0.61,
    0.2875,
    0.6225,
    0.3,
    0.6325,
    0.31
  ],
  "SoftwareVersions": "syngo MR XA60",
  "SpacingBetweenSlices": 2.97,
  "StationName": "AWP166048",
  "TxRefAmp": 323.841
}