{
  "AcquisitionDuration": 45.572,
  "AcquisitionMatrixPE": 120,
  "AcquisitionNumber": 1,
  "AcquisitionTime": "13:30:23.757500",
  "BandwidthPerPixelPhaseEncode": 30.864,
  "BaseResolution": 120,
  "BidsGuess": [
    "fmap",
    "_acq-epse2p2_dir-PA_run-32_epi"
  ],
  "BodyPartExamined": "BRAIN",
  "CoilCombinationMethod": "Sum of Squares",
  "CoilString": "HeadNeck_20",
  "ConversionSoftware": "dcm2niix",
  "ConversionSoftwareVersion": "v1.0.20240202",
  "DerivedVendorReportedEchoSpacing": 0.000540003,
  "DeviceSerialNumber": "166048",
  "DwellTime": 1.9e-06,
  "EchoTime": 0.0846,
  "EchoTrainLength": 59,
  "EffectiveEchoSpacing": 0.000270002,
  "FlipAngle": 90,
  "FrequencyEncodingSteps": 120,
  "HeudiconvVersion": "1.3.3",
  "ImageComments": "Project: Smith-SRA, Unaliased MB3/PE4 SENSE1",
  "ImageOrientationPatientDICOM": [
    1,
    4.8461e-09,
    5.24602e-08,
    4.8461e-09,
    0.983078,
    -0.18319
  ],
  "ImageType": [
    "ORIGINAL",
    "PRIMARY",
    "FMRI",
    "NONE"
  ],
  "ImageTypeText": [
    "ORIGINAL",
    "PRIMARY",
    "M",
    "MB",
    "ND"
  ],
  "ImagingFrequency": 123.249202,
  "InPlanePhaseEncodingDirectionDICOM": "COL",
  "InstitutionAddress": "North 13th 1701,Philadelphia,PA,US,19122",
  "InstitutionName": "Temple University - Weiss Hall",
  "IntendedFor": [
    "ses-02/func/sub-10418_ses-02_task-doors_run-1_echo-1_part-mag_bold.nii.gz",
    "ses-02/func/sub-10418_ses-02_task-doors_run-1_echo-2_part-mag_bold.nii.gz",
    "ses-02/func/sub-10418_ses-02_task-doors_run-1_echo-3_part-mag_bold.nii.gz",
    "ses-02/func/sub-10418_ses-02_task-doors_run-1_echo-4_part-mag_bold.nii.gz",
    "ses-02/func/sub-10418_ses-02_task-socialdoors_run-1_echo-1_part-mag_bold.nii.gz",
    "ses-02/func/sub-10418_ses-02_task-socialdoors_run-1_echo-2_part-mag_bold.nii.gz",
    "ses-02/func/sub-10418_ses-02_task-socialdoors_run-1_echo-3_part-mag_bold.nii.gz",
    "ses-02/func/sub-10418_ses-02_task-socialdoors_run-1_echo-4_part-mag_bold.nii.gz",
    "ses-02/func/sub-10418_ses-02_task-ugr_run-1_echo-1_part-mag_bold.nii.gz",
    "ses-02/func/sub-10418_ses-02_task-ugr_run-1_echo-2_part-mag_bold.nii.gz",
    "ses-02/func/sub-10418_ses-02_task-ugr_run-1_echo-3_part-mag_bold.nii.gz",
    "ses-02/func/sub-10418_ses-02_task-ugr_run-1_echo-4_part-mag_bold.nii.gz",
    "ses-02/func/sub-10418_ses-02_task-ugr_run-2_echo-1_part-mag_bold.nii.gz",
    "ses-02/func/sub-10418_ses-02_task-ugr_run-2_echo-2_part-mag_bold.nii.gz",
    "ses-02/func/sub-10418_ses-02_task-ugr_run-2_echo-3_part-mag_bold.nii.gz",
    "ses-02/func/sub-10418_ses-02_task-ugr_run-2_echo-4_part-mag_bold.nii.gz"
  ],
  "MRAcquisitionType": "2D",
  "MTState": false,
  "MagneticFieldStrength": 3,
  "Manufacturer": "Siemens",
  "ManufacturersModelName": "MAGNETOM Prisma",
  "MatrixCoilMode": "GRAPPA",
  "Modality": "MR",
  "MultibandAccelerationFactor": 3,
  "NonlinearGradientCorrection": false,
  "ParallelAcquisitionTechnique": "GRAPPA",
  "ParallelReductionFactorInPlane": 2,
  "PartialFourier": 1,
  "PatientPosition": "HFS",
  "PercentPhaseFOV": 100,
  "PercentSampling": 100,
  "PhaseEncodingDirection": "j",
  "PhaseEncodingSteps": 120,
  "PhaseResolution": 1,
  "PixelBandwidth": 2193,
  "ProtocolName": "cmrr_fieldmapse_pa",
  "PulseSequenceDetails": "%CustomerSeq%\\cmrr_mbep2d_se",
  "PulseSequenceName": "epse2d1_120",
  "ReceiveCoilActiveElements": "HE1-4;NE1,2",
  "ReceiveCoilName": "HeadNeck_20",
  "ReconMatrixPE": 120,
  "RefLinesPE": 24,
  "RepetitionTime": 2.71,
  "ScanOptions": "FS",
  "ScanningSequence": "EP",
  "SequenceVariant": "SK",
  "SeriesDescription": "cmrr_fieldmapse_pa",
  "SeriesNumber": 32,
  "ShimSetting": [
    3031,
    -11777,
    6747,
    419,
    -76,
    -245,
    35,
    27
  ],
  "SliceThickness": 2,
  "SliceTiming": [
    0,
    1.4025,
    0.115,
    1.52,
    0.2325,
    1.6375,
    0.35,
    1.7525,
    0.4675,
    1.87,
    0.585,
    1.9875,
    0.7,
    2.105,
    0.8175,
    2.22,
    0.935,
    2.3375,
    1.0525,
    2.455,
    1.1675,
    2.5725,
    1.285,
    0,
    1.4025,
    0.115,
    1.52,
    0.2325,
    1.6375,
    0.35,
    1.7525,
    0.4675,
    1.87,
    0.585,
    1.9875,
    0.7,
    2.105,
    0.8175,
    2.22,
    0.935,
    2.3375,
    1.0525,
    2.455,
    1.1675,
    2.5725,
    1.285,
    0,
    1.4025,
    0.115,
    1.52,
    0.2325,
    1.6375,
    0.35,
    1.7525,
    0.4675,
    1.87,
    0.585,
    1.9875,
    0.7,
    2.105,
    0.8175,
    2.22,
    0.935,
    2.3375,
    1.0525,
    2.455,
    1.1675,
    2.5725,
    1.285
  ],
  "SoftwareVersions": "syngo MR XA30",
  "SpacingBetweenSlices": 2,
  "StationName": "AWP166048",
  "TotalReadoutTime": 0.0321302,
  "TxRefAmp": 322.679,
  "WipMemBlock": "80602061-0c06-4227-99d1-a19e2cbea408||Sequence: R017 nxva30a/master r/d8d65e45a; Feb 10 2025 13:55:15 by eja"
}