{
  "AcquisitionMatrixPE": 80,
  "AcquisitionNumber": 1,
  "AcquisitionTime": "13:24:21.717500",
  "BandwidthPerPixelPhaseEncode": 51.02,
  "BaseResolution": 80,
  "BidsGuess": [
    "func",
    "_acq-epfid2p2m3_dir-AP_run-29_echo-1_bold"
  ],
  "BodyPartExamined": "BRAIN",
  "CoilCombinationMethod": "Sum of Squares",
  "ConsistencyInfo": "N4_VE11E_LATEST_20181129",
  "ConversionSoftware": "dcm2niix",
  "ConversionSoftwareVersion": "v1.0.20240202",
  "DerivedVendorReportedEchoSpacing": 0.000490004,
  "DeviceSerialNumber": "166048",
  "DwellTime": 2.5e-06,
  "EchoNumber": 1,
  "EchoTime": 0.0138,
  "EchoTrainLength": 34,
  "EffectiveEchoSpacing": 0.000245002,
  "FlipAngle": 50,
  "HeudiconvVersion": "1.3.3",
  "ImageComments": "Unaliased MB3/PE4/LB SENSE1+",
  "ImageOrientationPatientDICOM": [
    1,
    0,
    0,
    0,
    0.97437,
    0.224951
  ],
  "ImageOrientationText": "Tra>Cor(13.0)",
  "ImageType": [
    "ORIGINAL",
    "PRIMARY",
    "M",
    "MB",
    "TE1",
    "ND",
    "NORM",
    "MOSAIC"
  ],
  "ImagingFrequency": 123.25547,
  "InPlanePhaseEncodingDirectionDICOM": "COL",
  "InstitutionAddress": "North 13th 1701,Philadelphia,PA,US,19122",
  "InstitutionName": "Temple University - Weiss Hall",
  "InstitutionalDepartmentName": "Department",
  "IntendedFor": [
    "ses-01/func/sub-11066_ses-01_task-doors_run-1_echo-1_part-mag_bold.nii.gz",
    "ses-01/func/sub-11066_ses-01_task-doors_run-1_echo-2_part-mag_bold.nii.gz",
    "ses-01/func/sub-11066_ses-01_task-doors_run-1_echo-3_part-mag_bold.nii.gz",
    "ses-01/func/sub-11066_ses-01_task-doors_run-1_echo-4_part-mag_bold.nii.gz",
    "ses-01/func/sub-11066_ses-01_task-sharedreward_run-1_echo-1_part-mag_bold.nii.gz",
    "ses-01/func/sub-11066_ses-01_task-sharedreward_run-1_echo-2_part-mag_bold.nii.gz",
    "ses-01/func/sub-11066_ses-01_task-sharedreward_run-1_echo-3_part-mag_bold.nii.gz",
    "ses-01/func/sub-11066_ses-01_task-sharedreward_run-1_echo-4_part-mag_bold.nii.gz",
    "ses-01/func/sub-11066_ses-01_task-socialdoors_run-1_echo-1_part-mag_bold.nii.gz",
    "ses-01/func/sub-11066_ses-01_task-socialdoors_run-1_echo-2_part-mag_bold.nii.gz",
    "ses-01/func/sub-11066_ses-01_task-socialdoors_run-1_echo-3_part-mag_bold.nii.gz",
    "ses-01/func/sub-11066_ses-01_task-socialdoors_run-1_echo-4_part-mag_bold.nii.gz",
    "ses-01/func/sub-11066_ses-01_task-trust_run-1_echo-1_part-mag_bold.nii.gz",
    "ses-01/func/sub-11066_ses-01_task-trust_run-1_echo-2_part-mag_bold.nii.gz",
    "ses-01/func/sub-11066_ses-01_task-trust_run-1_echo-3_part-mag_bold.nii.gz",
    "ses-01/func/sub-11066_ses-01_task-trust_run-1_echo-4_part-mag_bold.nii.gz",
    "ses-01/func/sub-11066_ses-01_task-ugr_run-1_echo-1_part-mag_bold.nii.gz",
    "ses-01/func/sub-11066_ses-01_task-ugr_run-1_echo-2_part-mag_bold.nii.gz",
    "ses-01/func/sub-11066_ses-01_task-ugr_run-1_echo-3_part-mag_bold.nii.gz",
    "ses-01/func/sub-11066_ses-01_task-ugr_run-1_echo-4_part-mag_bold.nii.gz"
  ],
  "MRAcquisitionType": "2D",
  "MagneticFieldStrength": 3,
  "Manufacturer": "Siemens",
  "ManufacturersModelName": "Prisma",
  "MatrixCoilMode": "GRAPPA",
  "Modality": "MR",
  "MultibandAccelerationFactor": 3,
  "NonlinearGradientCorrection": false,
  "ParallelReductionFactorInPlane": 2,
  "PartialFourier": 0.875,
  "PatientPosition": "HFS",
  "PercentPhaseFOV": 100,
  "PercentSampling": 100,
  "PhaseEncodingDirection": "j-",
  "PhaseEncodingSteps": 69,
  "PhaseResolution": 1,
  "PixelBandwidth": 2500,
  "ProcedureStepDescription": "Smith Lab^SRA",
  "ProtocolName": "task-UGR_run1_CMRR_MB3_IP2_ME4_TR1615",
  "PulseSequenceDetails": "%CustomerSeq%\\cmrr_mbep2d_bold",
  "ReceiveCoilActiveElements": "HE1-4;NE1,2",
  "ReceiveCoilName": "HeadNeck_20",
  "ReconMatrixPE": 80,
  "RefLinesPE": 58,
  "RepetitionTime": 1.615,
  "SAR": 0.0314558,
  "ScanOptions": "PFP\\FS",
  "ScanningSequence": "EP",
  "SequenceName": "epfid2d4_80",
  "SequenceVariant": "SK\\SS",
  "SeriesDescription": "task-UGR_run1_CMRR_MB3_IP2_ME4_TR1615",
  "SeriesNumber": 29,
  "ShimSetting": [
    3027,
    -11883,
    6809,
    298,
    -53,
    -221,
    90,
    13
  ],
  "SliceThickness": 2.7,
  "SliceTiming": [
    1.5025,
    1.4075,
    1.315,
    1.22,
    1.1275,
    1.0325,
    0.94,
    0.845,
    0.7525,
    0.6575,
    0.5625,
    0.47,
    0.375,
    0.2825,
    0.1875,
    0.095,
    0,
    1.5025,
    1.4075,
    1.315,
    1.22,
    1.1275,
    1.0325,
    0.94,
    0.845,
    0.7525,
    0.6575,
    0.5625,
    0.47,
    0.375,
    0.2825,
    0.1875,
    0.095,
    0,
    1.5025,
    1.4075,
    1.315,
    1.22,
    1.1275,
    1.0325,
    0.94,
    0.845,
    0.7525,
    0.6575,
    0.5625,
    0.47,
    0.375,
    0.2825,
    0.1875,
    0.095,
    0
  ],
  "SoftwareVersions": "syngo MR E11",
  "SpacingBetweenSlices": 2.97,
  "StationName": "AWP166048",
  "TaskName": "ugr",
  "TotalReadoutTime": 0.0193552,
  "TxRefAmp": 251.162,
  "Units": "Hz",
  "WipMemBlock": "42736001-cf65-490b-8a01-81628f53c69e||Sequence: R016 ve11e/master r/434b28f1; Aug  7 2019 18:53:46 by eja"
}