{
  "AcquisitionMatrixPE": 80,
  "AcquisitionNumber": 1,
  "AcquisitionTime": "13:57:33.510000",
  "BaseResolution": 80,
  "BidsGuess": [
    "fmap",
    "_acq-fm2_phasediff"
  ],
  "BodyPartExamined": "BRAIN",
  "CoilCombinationMethod": "Sum of Squares",
  "ConsistencyInfo": "N4_VE11E_LATEST_20181129",
  "ConversionSoftware": "dcm2niix",
  "ConversionSoftwareVersion": "v1.0.20240202",
  "DeviceSerialNumber": "166048",
  "DwellTime": 1.78e-05,
  "EchoNumber": 2,
  "EchoTime": 0.00738,
  "EchoTime1": 0.00492,
  "EchoTime2": 0.00738,
  "FlipAngle": 60,
  "HeudiconvVersion": "1.3.3",
  "ImageOrientationPatientDICOM": [
    0.999125,
    0.00277401,
    0.0417375,
    1.93573e-08,
    0.997799,
    -0.0663174
  ],
  "ImageOrientationText": "Tra>Cor(-3.8)>Sag(2.4)",
  "ImageType": [
    "ORIGINAL",
    "PRIMARY",
    "P",
    "ND",
    "PHASE"
  ],
  "ImagingFrequency": 123.255649,
  "InPlanePhaseEncodingDirectionDICOM": "COL",
  "InstitutionAddress": "North 13th 1701,Philadelphia,PA,US,19122",
  "InstitutionName": "Temple University",
  "InstitutionalDepartmentName": "Department",
  "MRAcquisitionType": "2D",
  "MagneticFieldStrength": 3,
  "Manufacturer": "Siemens",
  "ManufacturersModelName": "Prisma",
  "MatrixCoilMode": "SENSE",
  "Modality": "MR",
  "MultibandAccelerationFactor": 2,
  "NonlinearGradientCorrection": false,
  "PartialFourier": 1,
  "PatientPosition": "HFS",
  "PercentPhaseFOV": 100,
  "PercentSampling": 100,
  "PhaseEncodingDirection": "j-",
  "PhaseEncodingSteps": 80,
  "PhaseResolution": 1,
  "PixelBandwidth": 350,
  "ProcedureStepDescription": "Smith Lab^SRA",
  "ProtocolName": "fmap_gre_field_mapping_2p8iso",
  "PulseSequenceDetails": "%SiemensSeq%\\gre_field_mapping",
  "ReceiveCoilActiveElements": "HE1-4;NE1,2",
  "ReceiveCoilName": "HeadNeck_20",
  "ReconMatrixPE": 80,
  "RepetitionTime": 0.645,
  "SAR": 0.133132,
  "ScanningSequence": "GR",
  "SequenceName": "*fm2d2r",
  "SequenceVariant": "SP",
  "SeriesDescription": "fmap_gre_field_mapping_2p8iso",
  "SeriesNumber": 6,
  "ShimSetting": [
    3048,
    -11799,
    6716,
    294,
    -67,
    -314,
    -14,
    25
  ],
  "SliceThickness": 2.7,
  "SliceTiming": [
    0.32812,
    0,
    0.32812,
    0.01562,
    0.34375,
    0.01562,
    0.35938,
    0.03125,
    0.375,
    0.04688,
    0.375,
    0.0625,
    0.39062,
    0.0625,
    0.40625,
    0.07812,
    0.42188,
    0.09375,
    0.4375,
    0.10938,
    0.4375,
    0.125,
    0.45312,
    0.125,
    0.46875,
    0.14062,
    0.48438,
    0.15625,
    0.48438,
    0.17188,
    0.5,
    0.17188,
    0.51562,
    0.1875,
    0.53125,
    0.20312,
    0.53125,
    0.21875,
    0.54688,
    0.21875,
    0.5625,
    0.23438,
    0.57812,
    0.25,
    0.57812,
    0.26562,
    0.59375,
    0.28125,
    0.60938,
    0.28125,
    0.625,
    0.29688,
    0.625,
    0.3125
  ],
  "SoftwareVersions": "syngo MR E11",
  "SpacingBetweenSlices": 2.97,
  "StationName": "AWP166048",
  "TxRefAmp": 286.062
}