{
  "AcquisitionDuration": 463.5,
  "AcquisitionMatrixPE": 80,
  "AcquisitionNumber": 1,
  "AcquisitionTime": "16:37:57.927500",
  "BandwidthPerPixelPhaseEncode": 51.02,
  "BaseResolution": 80,
  "BidsGuess": [
    "func",
    "_acq-epfid2p2_dir-AP_run-21_echo-2_bold"
  ],
  "BodyPartExamined": "BRAIN",
  "CoilCombinationMethod": "Sum of Squares",
  "CoilString": "HeadNeck_20",
  "ConversionSoftware": "dcm2niix",
  "ConversionSoftwareVersion": "v1.0.20240202",
  "DerivedVendorReportedEchoSpacing": 0.000490004,
  "DeviceSerialNumber": "166048",
  "DwellTime": 2.5e-06,
  "EchoNumber": 2,
  "EchoTime": 0.03154,
  "EchoTrainLength": 34,
  "EffectiveEchoSpacing": 0.000245002,
  "FlipAngle": 50,
  "FrequencyEncodingSteps": 80,
  "HeudiconvVersion": "1.3.3",
  "ImageComments": "Not for diagnostic use, Project: Smith-SRA, Unaliased MB3/PE4/LB SENSE1++",
  "ImageOrientationPatientDICOM": [
    1,
    8.2038e-11,
    -3.95041e-09,
    8.2038e-11,
    0.999138,
    0.041516
  ],
  "ImageType": [
    "ORIGINAL",
    "PRIMARY",
    "FMRI",
    "NONE"
  ],
  "ImageTypeText": [
    "ORIGINAL",
    "PRIMARY",
    "M",
    "MB",
    "TE2",
    "ND",
    "NORM"
  ],
  "ImagingFrequency": 123.249215,
  "InPlanePhaseEncodingDirectionDICOM": "COL",
  "InstitutionAddress": "North 13th 1701,Philadelphia,PA,US,19122",
  "InstitutionName": "Temple University - Weiss Hall",
  "MRAcquisitionType": "2D",
  "MTState": false,
  "MagneticFieldStrength": 3,
  "Manufacturer": "Siemens",
  "ManufacturersModelName": "MAGNETOM Prisma",
  "MatrixCoilMode": "GRAPPA",
  "Modality": "MR",
  "NonlinearGradientCorrection": false,
  "ParallelAcquisitionTechnique": "GRAPPA",
  "ParallelReductionFactorInPlane": 2,
  "PartialFourier": 0.875,
  "PartialFourierDirection": "PHASE",
  "PatientPosition": "HFS",
  "PercentPhaseFOV": 100,
  "PercentSampling": 100,
  "PhaseEncodingDirection": "j-",
  "PhaseEncodingSteps": 80,
  "PhaseResolution": 1,
  "PixelBandwidth": 2500,
  "ProtocolName": "task-SharedReward_run2_CMRR_MB3_IP2_ME4_TR1615",
  "PulseSequenceDetails": "%CustomerSeq%\\cmrr_mbep2d_bold",
  "PulseSequenceName": "epfid2d4_80",
  "ReceiveCoilActiveElements": "HE1-4",
  "ReceiveCoilName": "HeadNeck_20",
  "ReconMatrixPE": 80,
  "RefLinesPE": 58,
  "RepetitionTime": 1.615,
  "ScanOptions": "PFP\\FS",
  "ScanningSequence": "EP",
  "SequenceVariant": "SK\\SS",
  "SeriesDescription": "task-SharedReward_run2_CMRR_MB3_IP2_ME4_TR1615",
  "SeriesNumber": 21,
  "ShimSetting": [
    3018,
    -11827,
    6760,
    191,
    -22,
    -175,
    -30,
    48
  ],
  "SliceThickness": 2.7,
  "SliceTiming": [
    1.5025,
    1.4075,
    1.315,
    1.22,
    1.1275,
    1.0325,
    0.94,
    0.845,
    0.7525,
    0.6575,
    0.565,
    0.47,
    0.3775,
    0.2825,
    0.19,
    0.095,
    0,
    1.5025,
    1.4075,
    1.315,
    1.22,
    1.1275,
    1.0325,
    0.94,
    0.845,
    0.7525,
    0.6575,
    0.565,
    0.47,
    0.3775,
    0.2825,
    0.19,
    0.095,
    0,
    1.5025,
    1.4075,
    1.315,
    1.22,
    1.1275,
    1.0325,
    0.94,
    0.845,
    0.7525,
    0.6575,
    0.565,
    0.47,
    0.3775,
    0.2825,
    0.19,
    0.095,
    0
  ],
  "SoftwareVersions": "syngo MR XA60",
  "SpacingBetweenSlices": 2.97,
  "StationName": "AWP166048",
  "TaskName": "sharedreward",
  "TotalReadoutTime": 0.0193552,
  "TxRefAmp": 298.225,
  "WipMemBlock": "022fdf97-537a-49d6-af2c-df519d44ded1||Sequence: R017 nxva60a/main r/452845729; Apr 24 2025 10:56:00 by eja"
}