{
  "AcquisitionDuration": 433.572,
  "AcquisitionMatrixPE": 120,
  "AcquisitionNumber": 1,
  "AcquisitionTime": "17:55:7.750000",
  "BandwidthPerPixelPhaseEncode": 30.864,
  "BaseResolution": 120,
  "BidsGuess": [
    "dwi",
    "_acq-epse2p2_dir-AP_run-37_dwi"
],
  "BodyPartExamined": "BRAIN",
  "CoilCombinationMethod": "Sum of Squares",
  "CoilString": "HeadNeck_20",
  "ConversionSoftware": "dcm2niix",
  "ConversionSoftwareVersion": "v1.0.20240202",
  "DerivedVendorReportedEchoSpacing": 0.000540003,
  "DeviceSerialNumber": "166048",
  "DiffusionScheme": "Monopolar",
  "DwellTime": 1.9e-06,
  "EchoTime": 0.0846,
  "EchoTrainLength": 59,
  "EffectiveEchoSpacing": 0.000270002,
  "FlipAngle": 90,
  "FrequencyEncodingSteps": 120,
  "HeudiconvVersion": "1.3.3",
  "ImageComments": "Unaliased MB3/PE4 SENSE1",
  "ImageOrientationPatientDICOM": [1, 0, 0, 0, 1, 0],
  "ImageType": [
    "ORIGINAL",
    "PRIMARY",
    "DIFFUSION",
    "NONE"
],
  "ImageTypeText": [
    "ORIGINAL",
    "PRIMARY",
    "DIFFUSION",
    "NONE",
    "MB",
    "ND",
    "NORM"
],
  "ImagingFrequency": 123.248513,
  "InPlanePhaseEncodingDirectionDICOM": "COL",
  "InstitutionAddress": "North 13th 1701,Philadelphia,PA,US,19122",
  "InstitutionName": "Temple University - Weiss Hall",
  "MRAcquisitionType": "2D",
  "MTState": false,
  "MagneticFieldStrength": 3,
  "Manufacturer": "Siemens",
  "ManufacturersModelName": "MAGNETOM Prisma",
  "MatrixCoilMode": "GRAPPA",
  "Modality": "MR",
  "MultibandAccelerationFactor": 3,
  "NonlinearGradientCorrection": false,
  "ParallelAcquisitionTechnique": "GRAPPA",
  "ParallelReductionFactorInPlane": 2,
  "PartialFourier": 1,
  "PatientPosition": "HFS",
  "PercentPhaseFOV": 100,
  "PercentSampling": 100,
  "PhaseEncodingDirection": "j-",
  "PhaseEncodingSteps": 120,
  "PhaseResolution": 1,
  "PixelBandwidth": 2193,
  "ProtocolName": "cmrr_mb3hydi_ipat2_64ch",
  "PulseSequenceDetails": "%CustomerSeq%\\cmrr_mbep2d_diff",
  "PulseSequenceName": "epse2d1_120",
  "ReceiveCoilActiveElements": "HE1-4",
  "ReceiveCoilName": "HeadNeck_20",
  "ReconMatrixPE": 120,
  "RefLinesPE": 24,
  "RepetitionTime": 2.71,
  "ScanOptions": "FS",
  "ScanningSequence": "EP",
  "SequenceVariant": "SK\\SS",
  "SeriesDescription": "cmrr_mb3hydi_ipat2_64ch",
  "SeriesNumber": 37,
  "ShimSetting": [3029, -11793, 6738, 296, 45, -337, -35, -2],
  "SliceThickness": 2,
  "SliceTiming": [0, 1.4025, 0.1175, 1.52, 0.235, 1.6375, 0.35, 1.755, 0.4675, 1.8725, 0.585, 1.9875, 0.7025, 2.105, 0.82, 2.2225, 0.935, 2.34, 1.0525, 2.455, 1.17, 2.5725, 1.2875, 0, 1.4025, 0.1175, 1.52, 0.235, 1.6375, 0.35, 1.755, 0.4675, 1.8725, 0.585, 1.9875, 0.7025, 2.105, 0.82, 2.2225, 0.935, 2.34, 1.0525, 2.455, 1.17, 2.5725, 1.2875, 0, 1.4025, 0.1175, 1.52, 0.235, 1.6375, 0.35, 1.755, 0.4675, 1.8725, 0.585, 1.9875, 0.7025, 2.105, 0.82, 2.2225, 0.935, 2.34, 1.0525, 2.455, 1.17, 2.5725, 1.2875],
  "SoftwareVersions": "syngo MR XA30",
  "SpacingBetweenSlices": 2,
  "StationName": "AWP166048",
  "TotalReadoutTime": 0.0321302,
  "TxRefAmp": 280.078,
  "WipMemBlock": "61ad2c3c-bbf0-4911-93d6-dac4d2e36ba1||Sequence: R017 nxva30a/master r/d8d65e45a; Feb 10 2025 13:38:50 by eja"
}