{
  "AcquisitionMatrixPE": 120,
  "AcquisitionNumber": 1,
  "AcquisitionTime": "15:17:34.420000",
  "BandwidthPerPixelPhaseEncode": 30.864,
  "BaseResolution": 120,
  "BidsGuess": [
    "dwi",
    "_acq-epb0p2m3_dir-AP_run-35_dwi"
],
  "BodyPartExamined": "BRAIN",
  "CoilCombinationMethod": "Sum of Squares",
  "ConsistencyInfo": "N4_VE11E_LATEST_20181129",
  "ConversionSoftware": "dcm2niix",
  "ConversionSoftwareVersion": "v1.0.20240202",
  "DerivedVendorReportedEchoSpacing": 0.000540003,
  "DeviceSerialNumber": "166048",
  "DiffusionScheme": "Monopolar",
  "DwellTime": 1.9e-06,
  "EchoTime": 0.0844,
  "EchoTrainLength": 59,
  "EffectiveEchoSpacing": 0.000270002,
  "FlipAngle": 90,
  "HeudiconvVersion": "1.3.3",
  "ImageComments": "Unaliased MB3/PE4 SENSE1",
  "ImageOrientationPatientDICOM": [0.997567, 0.00182403, 0.0696833, -4.10874e-09, 0.999658, -0.0261669],
  "ImageOrientationText": "Tra>Sag(4.0)>Cor(-1.5)",
  "ImageType": [
    "ORIGINAL",
    "PRIMARY",
    "DIFFUSION",
    "NONE",
    "MB",
    "ND",
    "NORM",
    "MOSAIC"
],
  "ImagingFrequency": 123.256316,
  "InPlanePhaseEncodingDirectionDICOM": "COL",
  "InstitutionAddress": "North 13th 1701,Philadelphia,PA,US,19122",
  "InstitutionName": "Temple University",
  "InstitutionalDepartmentName": "Department",
  "MRAcquisitionType": "2D",
  "MagneticFieldStrength": 3,
  "Manufacturer": "Siemens",
  "ManufacturersModelName": "Prisma",
  "MatrixCoilMode": "GRAPPA",
  "Modality": "MR",
  "MultibandAccelerationFactor": 3,
  "NonlinearGradientCorrection": false,
  "ParallelReductionFactorInPlane": 2,
  "PartialFourier": 1,
  "PatientPosition": "HFS",
  "PercentPhaseFOV": 100,
  "PercentSampling": 100,
  "PhaseEncodingDirection": "j-",
  "PhaseEncodingSteps": 119,
  "PhaseResolution": 1,
  "PixelBandwidth": 2195,
  "ProcedureStepDescription": "Smith Lab^SRA",
  "ProtocolName": "cmrr_mb3hydi_ipat2_64ch",
  "PulseSequenceDetails": "%CustomerSeq%\\cmrr_mbep2d_diff",
  "ReceiveCoilActiveElements": "HE1-4;NE1,2",
  "ReceiveCoilName": "HeadNeck_20",
  "ReconMatrixPE": 120,
  "RefLinesPE": 24,
  "RepetitionTime": 2.702,
  "SAR": 0.287857,
  "ScanOptions": "FS",
  "ScanningSequence": "EP",
  "SequenceName": "ep_b0",
  "SequenceVariant": "SK\\SS",
  "SeriesDescription": "cmrr_mb3hydi_ipat2_64ch",
  "SeriesNumber": 35,
  "ShimSetting": [3043, -11840, 6765, 347, -35, -258, 231, -2],
  "SliceThickness": 2,
  "SliceTiming": [0, 1.3975, 0.115, 1.515, 0.2325, 1.6325, 0.35, 1.7475, 0.465, 1.865, 0.5825, 1.9825, 0.7, 2.0975, 0.815, 2.215, 0.9325, 2.3325, 1.0475, 2.4475, 1.165, 2.565, 1.2825, 0, 1.3975, 0.115, 1.515, 0.2325, 1.6325, 0.35, 1.7475, 0.465, 1.865, 0.5825, 1.9825, 0.7, 2.0975, 0.815, 2.215, 0.9325, 2.3325, 1.0475, 2.4475, 1.165, 2.565, 1.2825, 0, 1.3975, 0.115, 1.515, 0.2325, 1.6325, 0.35, 1.7475, 0.465, 1.865, 0.5825, 1.9825, 0.7, 2.0975, 0.815, 2.215, 0.9325, 2.3325, 1.0475, 2.4475, 1.165, 2.565, 1.2825],
  "SoftwareVersions": "syngo MR E11",
  "SpacingBetweenSlices": 2,
  "StationName": "AWP166048",
  "TotalReadoutTime": 0.0321302,
  "TxRefAmp": 328.062,
  "WipMemBlock": "347cdc99-c437-4351-a6d8-1cd3c5777fa2||Sequence: R016 ve11e/master r/434b28f1; Aug  7 2019 19:06:17 by eja"
}