{
  "AcquisitionMatrixPE": 120,
  "AcquisitionNumber": 1,
  "AcquisitionTime": "14:42:56.397500",
  "BandwidthPerPixelPhaseEncode": 30.864,
  "BaseResolution": 120,
  "BidsGuess": [
    "dwi",
    "_acq-epb0p2m3_dir-AP_run-35_dwi"
],
  "BodyPartExamined": "BRAIN",
  "CoilCombinationMethod": "Sum of Squares",
  "ConsistencyInfo": "N4_VE11E_LATEST_20181129",
  "ConversionSoftware": "dcm2niix",
  "ConversionSoftwareVersion": "v1.0.20240202",
  "DerivedVendorReportedEchoSpacing": 0.000540003,
  "DeviceSerialNumber": "166048",
  "DiffusionScheme": "Monopolar",
  "DwellTime": 1.9e-06,
  "EchoTime": 0.0844,
  "EchoTrainLength": 59,
  "EffectiveEchoSpacing": 0.000270002,
  "FlipAngle": 90,
  "HeudiconvVersion": "1.3.3",
  "ImageComments": "Unaliased MB3/PE4 SENSE1",
  "ImageOrientationPatientDICOM": [1, 0, 0, 0, 0.999048, 0.0436194],
  "ImageOrientationText": "Tra>Cor(2.5)",
  "ImageType": [
    "ORIGINAL",
    "PRIMARY",
    "DIFFUSION",
    "NONE",
    "MB",
    "ND",
    "NORM",
    "MOSAIC"
],
  "ImagingFrequency": 123.256477,
  "InPlanePhaseEncodingDirectionDICOM": "COL",
  "InstitutionAddress": "North 13th 1701,Philadelphia,PA,US,19122",
  "InstitutionName": "Temple University - Weiss Hall",
  "InstitutionalDepartmentName": "Department",
  "MRAcquisitionType": "2D",
  "MagneticFieldStrength": 3,
  "Manufacturer": "Siemens",
  "ManufacturersModelName": "Prisma",
  "MatrixCoilMode": "GRAPPA",
  "Modality": "MR",
  "MultibandAccelerationFactor": 3,
  "NonlinearGradientCorrection": false,
  "ParallelReductionFactorInPlane": 2,
  "PartialFourier": 1,
  "PatientPosition": "HFS",
  "PercentPhaseFOV": 100,
  "PercentSampling": 100,
  "PhaseEncodingDirection": "j-",
  "PhaseEncodingSteps": 119,
  "PhaseResolution": 1,
  "PixelBandwidth": 2195,
  "ProcedureStepDescription": "Smith Lab^SRA",
  "ProtocolName": "cmrr_mb3hydi_ipat2_64ch",
  "PulseSequenceDetails": "%CustomerSeq%\\cmrr_mbep2d_diff",
  "ReceiveCoilActiveElements": "HE1-4;NE1,2",
  "ReceiveCoilName": "HeadNeck_20",
  "ReconMatrixPE": 120,
  "RefLinesPE": 24,
  "RepetitionTime": 2.702,
  "SAR": 0.228379,
  "ScanOptions": "FS",
  "ScanningSequence": "EP",
  "SequenceName": "ep_b0",
  "SequenceVariant": "SK\\SS",
  "SeriesDescription": "cmrr_mb3hydi_ipat2_64ch",
  "SeriesNumber": 35,
  "ShimSetting": [3052, -11866, 6756, 340, -5, -220, 39, -10],
  "SliceThickness": 2,
  "SliceTiming": [0, 1.4, 0.1175, 1.5175, 0.235, 1.6325, 0.35, 1.75, 0.4675, 1.8675, 0.585, 1.9825, 0.7, 2.1, 0.8175, 2.2175, 0.935, 2.3325, 1.05, 2.45, 1.1675, 2.565, 1.2825, 0, 1.4, 0.1175, 1.5175, 0.235, 1.6325, 0.35, 1.75, 0.4675, 1.8675, 0.585, 1.9825, 0.7, 2.1, 0.8175, 2.2175, 0.935, 2.3325, 1.05, 2.45, 1.1675, 2.565, 1.2825, 0, 1.4, 0.1175, 1.5175, 0.235, 1.6325, 0.35, 1.75, 0.4675, 1.8675, 0.585, 1.9825, 0.7, 2.1, 0.8175, 2.2175, 0.935, 2.3325, 1.05, 2.45, 1.1675, 2.565, 1.2825],
  "SoftwareVersions": "syngo MR E11",
  "SpacingBetweenSlices": 2,
  "StationName": "AWP166048",
  "TotalReadoutTime": 0.0321302,
  "TxRefAmp": 250.449,
  "WipMemBlock": "1b809382-3a18-421f-9620-324cfeda56df||Sequence: R016 ve11e/master r/434b28f1; Aug  7 2019 19:06:17 by eja"
}