{
  "AcquisitionDuration": 433.572,
  "AcquisitionMatrixPE": 120,
  "AcquisitionNumber": 1,
  "AcquisitionTime": "20:58:9.837500",
  "BandwidthPerPixelPhaseEncode": 30.864,
  "BaseResolution": 120,
  "BidsGuess": [
    "dwi",
    "_acq-epse2p2_dir-AP_run-43_dwi"
],
  "BodyPartExamined": "BRAIN",
  "CoilCombinationMethod": "Sum of Squares",
  "CoilString": "HeadNeck_20",
  "ConversionSoftware": "dcm2niix",
  "ConversionSoftwareVersion": "v1.0.20240202",
  "DerivedVendorReportedEchoSpacing": 0.000540003,
  "DeviceSerialNumber": "166048",
  "DiffusionScheme": "Monopolar",
  "DwellTime": 1.9e-06,
  "EchoTime": 0.0846,
  "EchoTrainLength": 59,
  "EffectiveEchoSpacing": 0.000270002,
  "FlipAngle": 90,
  "FrequencyEncodingSteps": 120,
  "HeudiconvVersion": "1.3.3",
  "ImageComments": "Project: Smith-SRA, Unaliased MB3/PE4 SENSE1",
  "ImageOrientationPatientDICOM": [1, -3.45004e-10, 5.25705e-09, -3.45004e-10, 0.991423, 0.130691],
  "ImageType": [
    "ORIGINAL",
    "PRIMARY",
    "DIFFUSION",
    "NONE"
],
  "ImageTypeText": [
    "ORIGINAL",
    "PRIMARY",
    "DIFFUSION",
    "NONE",
    "MB",
    "ND",
    "NORM"
],
  "ImagingFrequency": 123.249021,
  "InPlanePhaseEncodingDirectionDICOM": "COL",
  "InstitutionAddress": "North 13th 1701,Philadelphia,PA,US,19122",
  "InstitutionName": "Temple University - Weiss Hall",
  "MRAcquisitionType": "2D",
  "MTState": false,
  "MagneticFieldStrength": 3,
  "Manufacturer": "Siemens",
  "ManufacturersModelName": "MAGNETOM Prisma",
  "MatrixCoilMode": "GRAPPA",
  "Modality": "MR",
  "MultibandAccelerationFactor": 3,
  "NonlinearGradientCorrection": false,
  "ParallelAcquisitionTechnique": "GRAPPA",
  "ParallelReductionFactorInPlane": 2,
  "PartialFourier": 1,
  "PatientPosition": "HFS",
  "PercentPhaseFOV": 100,
  "PercentSampling": 100,
  "PhaseEncodingDirection": "j-",
  "PhaseEncodingSteps": 120,
  "PhaseResolution": 1,
  "PixelBandwidth": 2193,
  "ProtocolName": "cmrr_mb3hydi_ipat2_64ch",
  "PulseSequenceDetails": "%CustomerSeq%\\cmrr_mbep2d_diff",
  "PulseSequenceName": "epse2d1_120",
  "ReceiveCoilActiveElements": "HE1-4;NE1,2",
  "ReceiveCoilName": "HeadNeck_20",
  "ReconMatrixPE": 120,
  "RefLinesPE": 24,
  "RepetitionTime": 2.71,
  "ScanOptions": "FS",
  "ScanningSequence": "EP",
  "SequenceVariant": "SK\\SS",
  "SeriesDescription": "cmrr_mb3hydi_ipat2_64ch",
  "SeriesNumber": 43,
  "ShimSetting": [3027, -11893, 6813, 241, 46, -337, 19, 81],
  "SliceThickness": 2,
  "SliceTiming": [0, 1.405, 0.1175, 1.5225, 0.235, 1.6375, 0.3525, 1.755, 0.47, 1.8725, 0.585, 1.99, 0.7025, 2.105, 0.82, 2.2225, 0.9375, 2.34, 1.0525, 2.4575, 1.17, 2.575, 1.2875, 0, 1.405, 0.1175, 1.5225, 0.235, 1.6375, 0.3525, 1.755, 0.47, 1.8725, 0.585, 1.99, 0.7025, 2.105, 0.82, 2.2225, 0.9375, 2.34, 1.0525, 2.4575, 1.17, 2.575, 1.2875, 0, 1.405, 0.1175, 1.5225, 0.235, 1.6375, 0.3525, 1.755, 0.47, 1.8725, 0.585, 1.99, 0.7025, 2.105, 0.82, 2.2225, 0.9375, 2.34, 1.0525, 2.4575, 1.17, 2.575, 1.2875],
  "SoftwareVersions": "syngo MR XA30",
  "SpacingBetweenSlices": 2,
  "StationName": "AWP166048",
  "TotalReadoutTime": 0.0321302,
  "TxRefAmp": 259.123,
  "WipMemBlock": "055ab72e-932a-44ec-8214-b05f23873441||Sequence: R017 nxva30a/master r/d8d65e45a; Feb 10 2025 13:38:50 by eja"
}