{
  "AcquisitionDuration": 421.69,
  "AcquisitionMatrixPE": 80,
  "AcquisitionNumber": 1,
  "AcquisitionTime": "13:57:42.432500",
  "BandwidthPerPixelPhaseEncode": 51.02,
  "BaseResolution": 80,
  "BidsGuess": [
    "func",
    "_acq-epfid2p2_dir-AP_run-11_echo-4_bold"
  ],
  "BodyPartExamined": "BRAIN",
  "CoilCombinationMethod": "Sum of Squares",
  "CoilString": "HeadNeck_20",
  "ConversionSoftware": "dcm2niix",
  "ConversionSoftwareVersion": "v1.0.20240202",
  "DerivedVendorReportedEchoSpacing": 0.000490004,
  "DeviceSerialNumber": "166048",
  "DwellTime": 2.5e-06,
  "EchoNumber": 4,
  "EchoTime": 0.06702,
  "EchoTrainLength": 34,
  "EffectiveEchoSpacing": 0.000245002,
  "FlipAngle": 50,
  "FrequencyEncodingSteps": 80,
  "HeudiconvVersion": "1.3.3",
  "ImageComments": "Not for diagnostic use, Project: Smith-SRA, Single-band reference SENSE1++",
  "ImageOrientationPatientDICOM": [
    1,
    4.25551e-10,
    1.05281e-08,
    4.25551e-10,
    0.996738,
    -0.080709
  ],
  "ImageType": [
    "ORIGINAL",
    "PRIMARY",
    "FMRI",
    "NONE"
  ],
  "ImageTypeText": [
    "ORIGINAL",
    "PRIMARY",
    "M",
    "TE4",
    "ND",
    "NORM"
  ],
  "ImagingFrequency": 123.249196,
  "InPlanePhaseEncodingDirectionDICOM": "COL",
  "InstitutionAddress": "North 13th 1701,Philadelphia,PA,US,19122",
  "InstitutionName": "Temple University - Weiss Hall",
  "MRAcquisitionType": "2D",
  "MTState": false,
  "MagneticFieldStrength": 3,
  "Manufacturer": "Siemens",
  "ManufacturersModelName": "MAGNETOM Prisma",
  "MatrixCoilMode": "GRAPPA",
  "Modality": "MR",
  "NonlinearGradientCorrection": false,
  "ParallelAcquisitionTechnique": "GRAPPA",
  "ParallelReductionFactorInPlane": 2,
  "PartialFourier": 0.875,
  "PartialFourierDirection": "PHASE",
  "PatientPosition": "HFS",
  "PercentPhaseFOV": 100,
  "PercentSampling": 100,
  "PhaseEncodingDirection": "j-",
  "PhaseEncodingSteps": 80,
  "PhaseResolution": 1,
  "PixelBandwidth": 2500,
  "ProtocolName": "task-SocialDoors_doors_CMRR_MB3_IP2_ME4_TR1615",
  "PulseSequenceDetails": "%CustomerSeq%\\cmrr_mbep2d_bold",
  "PulseSequenceName": "epfid2d4_80",
  "ReceiveCoilActiveElements": "HE1-4;NE1,2",
  "ReceiveCoilName": "HeadNeck_20",
  "ReconMatrixPE": 80,
  "RefLinesPE": 58,
  "RepetitionTime": 1.615,
  "ScanOptions": "PFP\\FS",
  "ScanningSequence": "EP",
  "SequenceVariant": "SK\\SS",
  "SeriesDescription": "task-SocialDoors_doors_CMRR_MB3_IP2_ME4_TR1615_SBRef",
  "SeriesNumber": 11,
  "ShimSetting": [
    3002,
    -11807,
    6772,
    198,
    22,
    -569,
    -12,
    -42
  ],
  "SliceThickness": 2.7,
  "SliceTiming": [
    40.3625,
    40.2675,
    40.175,
    40.08,
    39.9875,
    39.8925,
    39.8,
    39.705,
    39.6125,
    39.5175,
    39.425,
    39.33,
    39.2375,
    39.1425,
    39.05,
    38.955,
    38.8625,
    38.7675,
    38.675,
    38.58,
    38.485,
    38.3925,
    38.2975,
    38.205,
    38.11,
    38.0175,
    37.9225,
    37.83,
    37.735,
    37.6425,
    37.5475,
    37.455,
    37.36,
    37.2675,
    37.1725,
    37.08,
    36.985,
    36.89,
    36.7975,
    36.7025,
    36.61,
    36.515,
    36.4225,
    36.3275,
    36.235,
    36.14,
    36.0475,
    35.9525,
    35.86,
    35.765,
    35.6725
  ],
  "SoftwareVersions": "syngo MR XA60",
  "SpacingBetweenSlices": 2.97,
  "StationName": "AWP166048",
  "TaskName": "doors",
  "TotalReadoutTime": 0.0193552,
  "TxRefAmp": 304.755,
  "WipMemBlock": "e0b92561-15cc-4627-9ba1-784be98d6389||Sequence: R017 nxva60a/main r/452845729; Apr 24 2025 10:56:00 by eja"
}