{
  "AcquisitionDuration": 456.69,
  "AcquisitionMatrixPE": 80,
  "AcquisitionNumber": 1,
  "AcquisitionTime": "14:16:5.540000",
  "BandwidthPerPixelPhaseEncode": 51.02,
  "BaseResolution": 80,
  "BidsGuess": [
    "func",
    "_acq-epfid2p2_dir-AP_run-19_echo-3_bold"
  ],
  "BodyPartExamined": "BRAIN",
  "CoilCombinationMethod": "Sum of Squares",
  "CoilString": "HeadNeck_20",
  "ConversionSoftware": "dcm2niix",
  "ConversionSoftwareVersion": "v1.0.20240202",
  "DerivedVendorReportedEchoSpacing": 0.000490004,
  "DeviceSerialNumber": "166048",
  "DwellTime": 2.5e-06,
  "EchoNumber": 3,
  "EchoTime": 0.04928,
  "EchoTrainLength": 34,
  "EffectiveEchoSpacing": 0.000245002,
  "FlipAngle": 50,
  "FrequencyEncodingSteps": 80,
  "HeudiconvVersion": "1.3.3",
  "ImageComments": "Not for diagnostic use, Project: Smith-SRA, Single-band reference SENSE1++",
  "ImageOrientationPatientDICOM": [
    1,
    4.25551e-10,
    1.05281e-08,
    4.25551e-10,
    0.996738,
    -0.080709
  ],
  "ImageType": [
    "ORIGINAL",
    "PRIMARY",
    "FMRI",
    "NONE"
  ],
  "ImageTypeText": [
    "ORIGINAL",
    "PRIMARY",
    "M",
    "TE3",
    "ND",
    "NORM"
  ],
  "ImagingFrequency": 123.24921,
  "InPlanePhaseEncodingDirectionDICOM": "COL",
  "InstitutionAddress": "North 13th 1701,Philadelphia,PA,US,19122",
  "InstitutionName": "Temple University - Weiss Hall",
  "MRAcquisitionType": "2D",
  "MTState": false,
  "MagneticFieldStrength": 3,
  "Manufacturer": "Siemens",
  "ManufacturersModelName": "MAGNETOM Prisma",
  "MatrixCoilMode": "GRAPPA",
  "Modality": "MR",
  "NonlinearGradientCorrection": false,
  "ParallelAcquisitionTechnique": "GRAPPA",
  "ParallelReductionFactorInPlane": 2,
  "PartialFourier": 0.875,
  "PartialFourierDirection": "PHASE",
  "PatientPosition": "HFS",
  "PercentPhaseFOV": 100,
  "PercentSampling": 100,
  "PhaseEncodingDirection": "j-",
  "PhaseEncodingSteps": 80,
  "PhaseResolution": 1,
  "PixelBandwidth": 2500,
  "ProtocolName": "task-UGR_run1_CMRR_MB3_IP2_ME4_TR1615",
  "PulseSequenceDetails": "%CustomerSeq%\\cmrr_mbep2d_bold",
  "PulseSequenceName": "epfid2d4_80",
  "ReceiveCoilActiveElements": "HE1-4;NE1,2",
  "ReceiveCoilName": "HeadNeck_20",
  "ReconMatrixPE": 80,
  "RefLinesPE": 58,
  "RepetitionTime": 1.615,
  "ScanOptions": "PFP\\FS",
  "ScanningSequence": "EP",
  "SequenceVariant": "SK\\SS",
  "SeriesDescription": "task-UGR_run1_CMRR_MB3_IP2_ME4_TR1615_SBRef",
  "SeriesNumber": 19,
  "ShimSetting": [
    3002,
    -11807,
    6772,
    198,
    22,
    -569,
    -12,
    -42
  ],
  "SliceThickness": 2.7,
  "SliceTiming": [
    40.345,
    40.25,
    40.1575,
    40.0625,
    39.97,
    39.875,
    39.7825,
    39.6875,
    39.595,
    39.5,
    39.4075,
    39.3125,
    39.22,
    39.125,
    39.0325,
    38.9375,
    38.845,
    38.75,
    38.655,
    38.5625,
    38.4675,
    38.375,
    38.28,
    38.1875,
    38.0925,
    38,
    37.905,
    37.8125,
    37.7175,
    37.625,
    37.53,
    37.4375,
    37.3425,
    37.25,
    37.155,
    37.06,
    36.9675,
    36.8725,
    36.78,
    36.685,
    36.5925,
    36.4975,
    36.405,
    36.31,
    36.2175,
    36.1225,
    36.03,
    35.935,
    35.8425,
    35.7475,
    35.655
  ],
  "SoftwareVersions": "syngo MR XA60",
  "SpacingBetweenSlices": 2.97,
  "StationName": "AWP166048",
  "TaskName": "ugr",
  "TotalReadoutTime": 0.0193552,
  "TxRefAmp": 304.755,
  "WipMemBlock": "53a3d1e1-f1fe-40e2-95b0-6e0d7b399579||Sequence: R017 nxva60a/main r/452845729; Apr 24 2025 10:56:00 by eja"
}