{
  "AcquisitionDuration": 94.28,
  "AcquisitionMatrixPE": 192,
  "AcquisitionNumber": 1,
  "AcquisitionTime": "15:38:48.975000",
  "BaseResolution": 256,
  "BidsGuess": [
    "anat",
    "_acq-tir2p3_run-39"
],
  "BodyPartExamined": "BRAIN",
  "CoilCombinationMethod": "Adaptive Combine",
  "CoilString": "HeadNeck_20",
  "ConversionSoftware": "dcm2niix",
  "ConversionSoftwareVersion": "v1.0.20240202",
  "DeviceSerialNumber": "166048",
  "DwellTime": 7.2e-06,
  "EchoTime": 0.088,
  "EchoTrainLength": 17,
  "FlipAngle": 150,
  "FrequencyEncodingSteps": 256,
  "HeudiconvVersion": "1.3.3",
  "ImageComments": "Project: Smith-SRA",
  "ImageOrientationPatientDICOM": [1, 4.88e-12, -4.01e-13, -4.897e-12, 0.996637, -0.081939],
  "ImageType": [
    "ORIGINAL",
    "PRIMARY",
    "M",
    "NONE"
],
  "ImageTypeText": [
    "ORIGINAL",
    "PRIMARY",
    "M",
    "NORM",
    "DIS2D"
],
  "ImagingFrequency": 123.249146,
  "InPlanePhaseEncodingDirectionDICOM": "ROW",
  "InstitutionAddress": "North 13th 1701,Philadelphia,PA,US,19122",
  "InstitutionName": "Temple University - Weiss Hall",
  "InversionTime": 2.5,
  "MRAcquisitionType": "2D",
  "MTState": false,
  "MagneticFieldStrength": 3,
  "Manufacturer": "Siemens",
  "ManufacturersModelName": "MAGNETOM Prisma",
  "MatrixCoilMode": "GRAPPA",
  "Modality": "MR",
  "NonlinearGradientCorrection": true,
  "ParallelAcquisitionTechnique": "GRAPPA",
  "ParallelReductionFactorInPlane": 3,
  "PartialFourier": 1,
  "PatientPosition": "HFS",
  "PercentPhaseFOV": 100,
  "PercentSampling": 75,
  "PhaseEncodingDirection": "i",
  "PhaseEncodingSteps": 192,
  "PhaseResolution": 0.75,
  "PixelBandwidth": 271,
  "ProtocolName": "t2_tse_dark-fluid_tra_p3",
  "PulseSequenceDetails": "%SiemensSeq%\\tse",
  "PulseSequenceName": "*tir2d1_17",
  "ReceiveCoilActiveElements": "HE1-4",
  "ReceiveCoilName": "HeadNeck_20",
  "ReconMatrixPE": 256,
  "RefLinesPE": 32,
  "RepetitionTime": 9,
  "ScanOptions": "IR\\FS",
  "ScanningSequence": "SE\\IR",
  "SequenceVariant": "SK\\SP\\MP",
  "SeriesDescription": "t2_tse_dark-fluid_tra_p3",
  "SeriesNumber": 39,
  "ShimSetting": [3034, -11754, 6702, 436, 14, -390, -74, 36],
  "SliceThickness": 3,
  "SliceTiming": [0, 54, 0.19, 54.19, 0.3775, 54.3775, 0.5675, 54.5675, 0.755, 54.755, 0.945, 54.945, 1.1325, 55.1325, 1.3225, 55.3225, 1.51, 55.51, 1.6975, 55.6975, 1.8875, 55.8875, 2.075, 56.075, 2.265, 56.265, 2.4525, 56.4525, 2.6425, 56.6425, 2.83, 56.83, 3.02, 57.02, 3.2075, 57.2075, 3.3975, 57.3975, 3.585, 57.585, 3.775, 57.775, 3.9625, 57.9625, 4.15, 58.15, 4.34],
  "SoftwareVersions": "syngo MR XA60",
  "SpacingBetweenSlices": 3,
  "SpoilingState": true,
  "StationName": "AWP166048",
  "TxRefAmp": 285.273}