{
  "AcquisitionDuration": 94.279,
  "AcquisitionMatrixPE": 192,
  "AcquisitionNumber": 1,
  "AcquisitionTime": "12:03:18.617500",
  "BaseResolution": 256,
  "BidsGuess": [
    "anat",
    "_acq-tir2p3_run-43"
],
  "BodyPartExamined": "BRAIN",
  "CoilCombinationMethod": "Adaptive Combine",
  "CoilString": "HeadNeck_20",
  "ConversionSoftware": "dcm2niix",
  "ConversionSoftwareVersion": "v1.0.20240202",
  "DeviceSerialNumber": "166048",
  "DwellTime": 7.2e-06,
  "EchoTime": 0.088,
  "EchoTrainLength": 17,
  "FlipAngle": 150,
  "FrequencyEncodingSteps": 256,
  "HeudiconvVersion": "1.3.3",
  "ImageComments": "Project: Smith-SRA",
  "ImageOrientationPatientDICOM": [1, 4.88e-12, -4.01e-13, -4.897e-12, 0.996637, -0.081939],
  "ImageType": [
    "ORIGINAL",
    "PRIMARY",
    "M",
    "NONE"
],
  "ImageTypeText": [
    "ORIGINAL",
    "PRIMARY",
    "M",
    "NORM",
    "DIS2D"
],
  "ImagingFrequency": 123.249006,
  "InPlanePhaseEncodingDirectionDICOM": "ROW",
  "InstitutionAddress": "North 13th 1701,Philadelphia,PA,US,19122",
  "InstitutionName": "Temple University - Weiss Hall",
  "InversionTime": 2.5,
  "MRAcquisitionType": "2D",
  "MTState": false,
  "MagneticFieldStrength": 3,
  "Manufacturer": "Siemens",
  "ManufacturersModelName": "MAGNETOM Prisma",
  "MatrixCoilMode": "GRAPPA",
  "Modality": "MR",
  "NonlinearGradientCorrection": true,
  "ParallelAcquisitionTechnique": "GRAPPA",
  "ParallelReductionFactorInPlane": 3,
  "PartialFourier": 1,
  "PatientPosition": "HFS",
  "PercentPhaseFOV": 100,
  "PercentSampling": 75,
  "PhaseEncodingDirection": "i",
  "PhaseEncodingSteps": 192,
  "PhaseResolution": 0.75,
  "PixelBandwidth": 271,
  "ProtocolName": "t2_tse_dark-fluid_tra_p3",
  "PulseSequenceDetails": "%SiemensSeq%\\tse",
  "PulseSequenceName": "*tir2d1_17",
  "ReceiveCoilActiveElements": "HE1-4;NE1,2",
  "ReceiveCoilName": "HeadNeck_20",
  "ReconMatrixPE": 256,
  "RefLinesPE": 32,
  "RepetitionTime": 9,
  "ScanOptions": "IR\\FS",
  "ScanningSequence": "SE\\IR",
  "SequenceVariant": "SK\\SP\\MP",
  "SeriesDescription": "t2_tse_dark-fluid_tra_p3",
  "SeriesNumber": 43,
  "ShimSetting": [3036, -11790, 6723, 498, 42, -116, -14, -5],
  "SliceThickness": 3,
  "SliceTiming": [0, 54, 0.1875, 54.1875, 0.375, 54.375, 0.565, 54.565, 0.7525, 54.7525, 0.9425, 54.9425, 1.13, 55.13, 1.32, 55.32, 1.5075, 55.5075, 1.6975, 55.6975, 1.885, 55.885, 2.075, 56.075, 2.2625, 56.2625, 2.4525, 56.4525, 2.64, 56.64, 2.8275, 56.8275, 3.0175, 57.0175, 3.205, 57.205, 3.395, 57.395, 3.5825, 57.5825, 3.7725, 57.7725, 3.96, 57.96, 4.15, 58.15, 4.3375],
  "SoftwareVersions": "syngo MR XA60",
  "SpacingBetweenSlices": 3,
  "SpoilingState": true,
  "StationName": "AWP166048",
  "TxRefAmp": 269.724}