{
  "AcquisitionDuration": 102.542,
  "AcquisitionMatrixPE": 80,
  "AcquisitionNumber": 1,
  "AcquisitionTime": "15:00:53.400000",
  "BaseResolution": 80,
  "BidsGuess": [
    "fmap",
    "_acq-fm2_magnitude1"
  ],
  "BodyPartExamined": "BRAIN",
  "CoilCombinationMethod": "Sum of Squares",
  "CoilString": "HeadNeck_20",
  "ConversionSoftware": "dcm2niix",
  "ConversionSoftwareVersion": "v1.0.20240202",
  "DeviceSerialNumber": "166048",
  "DwellTime": 1.78e-05,
  "EchoNumber": 1,
  "EchoTime": 0.00492,
  "FlipAngle": 60,
  "FrequencyEncodingSteps": 80,
  "HeudiconvVersion": "1.3.3",
  "ImageComments": "Project: Smith-SRA",
  "ImageOrientationPatientDICOM": [
    1,
    9.89978e-10,
    1.04901e-08,
    9.89978e-10,
    0.982345,
    -0.187079
  ],
  "ImageType": [
    "ORIGINAL",
    "PRIMARY",
    "M",
    "NONE"
  ],
  "ImageTypeText": [
    "ORIGINAL",
    "PRIMARY",
    "M",
    "NORM",
    "DIS2D"
  ],
  "ImagingFrequency": 123.249201,
  "InPlanePhaseEncodingDirectionDICOM": "COL",
  "InstitutionAddress": "North 13th 1701,Philadelphia,PA,US,19122",
  "InstitutionName": "Temple University - Weiss Hall",
  "MRAcquisitionType": "2D",
  "MTState": false,
  "MagneticFieldStrength": 3,
  "Manufacturer": "Siemens",
  "ManufacturersModelName": "MAGNETOM Prisma",
  "MatrixCoilMode": "SENSE",
  "Modality": "MR",
  "NonlinearGradientCorrection": true,
  "PartialFourier": 1,
  "PatientPosition": "HFS",
  "PercentPhaseFOV": 100,
  "PercentSampling": 100,
  "PhaseEncodingDirection": "j-",
  "PhaseEncodingSteps": 80,
  "PhaseResolution": 1,
  "PixelBandwidth": 351,
  "ProtocolName": "fmap_gre_field_mapping_2p8iso",
  "PulseSequenceDetails": "%SiemensSeq%\\gre_field_mapping",
  "PulseSequenceName": "*fm2d2r",
  "ReceiveCoilActiveElements": "HE1-4;NE1,2",
  "ReceiveCoilName": "HeadNeck_20",
  "ReconMatrixPE": 80,
  "RepetitionTime": 0.645,
  "ScanningSequence": "GR",
  "SequenceVariant": "SP",
  "SeriesDescription": "fmap_gre_field_mapping_2p8iso",
  "SeriesNumber": 5,
  "ShimSetting": [
    3017,
    -11817,
    6777,
    161,
    41,
    -215,
    -39,
    -20
  ],
  "SliceThickness": 2.7,
  "SliceTiming": [
    0.3225,
    0,
    0.335,
    0.0125,
    0.3475,
    0.025,
    0.3575,
    0.035,
    0.37,
    0.0475,
    0.3825,
    0.06,
    0.395,
    0.0725,
    0.405,
    0.0825,
    0.4175,
    0.095,
    0.43,
    0.1075,
    0.4425,
    0.12,
    0.4525,
    0.1325,
    0.465,
    0.1425,
    0.4775,
    0.155,
    0.49,
    0.1675,
    0.5025,
    0.18,
    0.5125,
    0.19,
    0.525,
    0.2025,
    0.5375,
    0.215,
    0.55,
    0.2275,
    0.56,
    0.24,
    0.5725,
    0.25,
    0.585,
    0.2625,
    0.5975,
    0.275,
    0.61,
    0.2875,
    0.62,
    0.2975,
    0.6325,
    0.31
  ],
  "SoftwareVersions": "syngo MR XA60",
  "SpacingBetweenSlices": 2.97,
  "StationName": "AWP166048",
  "TxRefAmp": 317.647
}