{
  "AcquisitionDuration": 406.69,
  "AcquisitionMatrixPE": 80,
  "AcquisitionNumber": 1,
  "AcquisitionTime": "10:14:27.157500",
  "BandwidthPerPixelPhaseEncode": 51.02,
  "BaseResolution": 80,
  "BidsGuess": [
    "func",
    "_acq-epfid2p2_dir-AP_run-19_echo-2_bold"
  ],
  "BodyPartExamined": "BRAIN",
  "CoilCombinationMethod": "Sum of Squares",
  "CoilString": "HeadNeck_20",
  "ConversionSoftware": "dcm2niix",
  "ConversionSoftwareVersion": "v1.0.20240202",
  "DerivedVendorReportedEchoSpacing": 0.000490004,
  "DeviceSerialNumber": "166048",
  "DwellTime": 2.5e-06,
  "EchoNumber": 2,
  "EchoTime": 0.03154,
  "EchoTrainLength": 34,
  "EffectiveEchoSpacing": 0.000245002,
  "FlipAngle": 50,
  "FrequencyEncodingSteps": 80,
  "HeudiconvVersion": "1.3.3",
  "ImageComments": "Not for diagnostic use, Smith-SRA-10590-2, Single-band reference SENSE1++",
  "ImageOrientationPatientDICOM": [
    1,
    -5.31389e-10,
    -1.05233e-08,
    -5.3139e-10,
    0.994913,
    -0.100736
  ],
  "ImageType": [
    "ORIGINAL",
    "PRIMARY",
    "FMRI",
    "NONE"
  ],
  "ImageTypeText": [
    "ORIGINAL",
    "PRIMARY",
    "M",
    "TE2",
    "ND",
    "NORM"
  ],
  "ImagingFrequency": 123.249108,
  "InPlanePhaseEncodingDirectionDICOM": "COL",
  "InstitutionAddress": "North 13th 1701,Philadelphia,PA,US,19122",
  "InstitutionName": "Temple University - Weiss Hall",
  "MRAcquisitionType": "2D",
  "MTState": false,
  "MagneticFieldStrength": 3,
  "Manufacturer": "Siemens",
  "ManufacturersModelName": "MAGNETOM Prisma",
  "MatrixCoilMode": "GRAPPA",
  "Modality": "MR",
  "NonlinearGradientCorrection": false,
  "ParallelAcquisitionTechnique": "GRAPPA",
  "ParallelReductionFactorInPlane": 2,
  "PartialFourier": 0.875,
  "PartialFourierDirection": "PHASE",
  "PatientPosition": "HFS",
  "PercentPhaseFOV": 100,
  "PercentSampling": 100,
  "PhaseEncodingDirection": "j-",
  "PhaseEncodingSteps": 80,
  "PhaseResolution": 1,
  "PixelBandwidth": 2500,
  "ProtocolName": "task-SocialDoors_doors_CMRR_MB3_IP2_ME4_TR1615",
  "PulseSequenceDetails": "%CustomerSeq%\\cmrr_mbep2d_bold",
  "PulseSequenceName": "epfid2d4_80",
  "ReceiveCoilActiveElements": "HE1-4",
  "ReceiveCoilName": "HeadNeck_20",
  "ReconMatrixPE": 80,
  "RefLinesPE": 58,
  "RepetitionTime": 1.615,
  "ScanOptions": "PFP\\FS",
  "ScanningSequence": "EP",
  "SequenceVariant": "SK\\SS",
  "SeriesDescription": "task-SocialDoors_doors_CMRR_MB3_IP2_ME4_TR1615_SBRef",
  "SeriesNumber": 19,
  "ShimSetting": [
    3028,
    -11818,
    6767,
    303,
    -48,
    -175,
    -43,
    72
  ],
  "SliceThickness": 2.7,
  "SliceTiming": [
    25.7925,
    25.6975,
    25.605,
    25.51,
    25.4175,
    25.3225,
    25.23,
    25.135,
    25.0425,
    24.9475,
    24.855,
    24.76,
    24.6675,
    24.5725,
    24.48,
    24.385,
    24.2925,
    24.1975,
    24.1025,
    24.01,
    23.915,
    23.8225,
    23.7275,
    23.635,
    23.54,
    23.4475,
    23.3525,
    23.26,
    23.165,
    23.0725,
    22.9775,
    22.885,
    22.79,
    22.6975,
    22.6025,
    22.5075,
    22.415,
    22.32,
    22.2275,
    22.1325,
    22.04,
    21.945,
    21.8525,
    21.7575,
    21.665,
    21.57,
    21.4775,
    21.3825,
    21.29,
    21.195,
    21.1025
  ],
  "SoftwareVersions": "syngo MR XA60",
  "SpacingBetweenSlices": 2.97,
  "StationName": "AWP166048",
  "TaskName": "doors",
  "TotalReadoutTime": 0.0193552,
  "TxRefAmp": 272.412,
  "WipMemBlock": "cccffc59-017c-4c81-ac85-671484c1d7ef||Sequence: R017 nxva60a/main r/452845729; Apr 24 2025 10:56:00 by eja"
}