{
  "AcquisitionDuration": 439.502,
  "AcquisitionMatrixPE": 80,
  "AcquisitionNumber": 1,
  "AcquisitionTime": "13:30:51.810000",
  "BandwidthPerPixelPhaseEncode": 51.02,
  "BaseResolution": 80,
  "BidsGuess": [
    "func",
    "_acq-epfid2p2_dir-AP_run-13_echo-1_bold"
  ],
  "BodyPartExamined": "BRAIN",
  "CoilCombinationMethod": "Sum of Squares",
  "CoilString": "HeadNeck_20",
  "ConversionSoftware": "dcm2niix",
  "ConversionSoftwareVersion": "v1.0.20240202",
  "DerivedVendorReportedEchoSpacing": 0.000490004,
  "DeviceSerialNumber": "166048",
  "DwellTime": 2.5e-06,
  "EchoNumber": 1,
  "EchoTime": 0.0138,
  "EchoTrainLength": 34,
  "EffectiveEchoSpacing": 0.000245002,
  "FlipAngle": 50,
  "FrequencyEncodingSteps": 80,
  "HeudiconvVersion": "1.3.3",
  "ImageComments": "Not for diagnostic use, Project: Smith-SRA, Unaliased MB3/PE4/LB SENSE1++",
  "ImageOrientationPatientDICOM": [
    1,
    -1.27288e-08,
    -7.26503e-08,
    -1.27288e-08,
    0.940434,
    -0.339975
  ],
  "ImageType": [
    "ORIGINAL",
    "PRIMARY",
    "FMRI",
    "NONE"
  ],
  "ImageTypeText": [
    "ORIGINAL",
    "PRIMARY",
    "M",
    "MB",
    "TE1",
    "ND",
    "NORM"
  ],
  "ImagingFrequency": 123.249217,
  "InPlanePhaseEncodingDirectionDICOM": "COL",
  "InstitutionAddress": "North 13th 1701,Philadelphia,PA,US,19122",
  "InstitutionName": "Temple University - Weiss Hall",
  "IntendedFor": [
    "ses-01/func/sub-11694_ses-01_task-ugr_run-2_echo-1_part-mag_bold.nii.gz",
    "ses-01/func/sub-11694_ses-01_task-ugr_run-2_echo-2_part-mag_bold.nii.gz",
    "ses-01/func/sub-11694_ses-01_task-ugr_run-2_echo-3_part-mag_bold.nii.gz",
    "ses-01/func/sub-11694_ses-01_task-ugr_run-2_echo-4_part-mag_bold.nii.gz"
  ],
  "MRAcquisitionType": "2D",
  "MTState": false,
  "MagneticFieldStrength": 3,
  "Manufacturer": "Siemens",
  "ManufacturersModelName": "MAGNETOM Prisma",
  "MatrixCoilMode": "GRAPPA",
  "Modality": "MR",
  "NonlinearGradientCorrection": false,
  "ParallelAcquisitionTechnique": "GRAPPA",
  "ParallelReductionFactorInPlane": 2,
  "PartialFourier": 0.875,
  "PartialFourierDirection": "PHASE",
  "PatientPosition": "HFS",
  "PercentPhaseFOV": 100,
  "PercentSampling": 100,
  "PhaseEncodingDirection": "j-",
  "PhaseEncodingSteps": 80,
  "PhaseResolution": 1,
  "PixelBandwidth": 2500,
  "ProtocolName": "task-UGR_run2_CMRR_MB3_IP2_ME4_TR1615",
  "PulseSequenceDetails": "%CustomerSeq%\\cmrr_mbep2d_bold",
  "PulseSequenceName": "epfid2d4_80",
  "ReceiveCoilActiveElements": "HE1-4;NE1,2",
  "ReceiveCoilName": "HeadNeck_20",
  "ReconMatrixPE": 80,
  "RefLinesPE": 58,
  "RepetitionTime": 1.615,
  "ScanOptions": "PFP\\FS",
  "ScanningSequence": "EP",
  "SequenceVariant": "SK\\SS",
  "SeriesDescription": "task-UGR_run2_CMRR_MB3_IP2_ME4_TR1615",
  "SeriesNumber": 13,
  "ShimSetting": [
    3021,
    -11801,
    6777,
    412,
    -15,
    -252,
    -41,
    0
  ],
  "SliceThickness": 2.7,
  "SliceTiming": [
    1.5,
    1.4075,
    1.3125,
    1.22,
    1.125,
    1.0325,
    0.9375,
    0.845,
    0.75,
    0.6575,
    0.5625,
    0.47,
    0.375,
    0.2825,
    0.1875,
    0.095,
    0,
    1.5,
    1.4075,
    1.3125,
    1.22,
    1.125,
    1.0325,
    0.9375,
    0.845,
    0.75,
    0.6575,
    0.5625,
    0.47,
    0.375,
    0.2825,
    0.1875,
    0.095,
    0,
    1.5,
    1.4075,
    1.3125,
    1.22,
    1.125,
    1.0325,
    0.9375,
    0.845,
    0.75,
    0.6575,
    0.5625,
    0.47,
    0.375,
    0.2825,
    0.1875,
    0.095,
    0
  ],
  "SoftwareVersions": "syngo MR XA60",
  "SpacingBetweenSlices": 2.97,
  "StationName": "AWP166048",
  "TaskName": "ugr",
  "TotalReadoutTime": 0.0193552,
  "TxRefAmp": 303.983,
  "Units": "Hz",
  "WipMemBlock": "b186852a-a34f-4abe-aec8-cc63c73cd7dd||Sequence: R017 nxva60a/main r/452845729; Apr 24 2025 10:56:00 by eja"
}