{
  "AcquisitionDuration": 503.5,
  "AcquisitionMatrixPE": 80,
  "AcquisitionNumber": 1,
  "AcquisitionTime": "17:42:59.560000",
  "BandwidthPerPixelPhaseEncode": 51.02,
  "BaseResolution": 80,
  "BidsGuess": [
    "func",
    "_acq-epfid2p2_dir-AP_run-30_echo-4_bold"
  ],
  "BodyPartExamined": "BRAIN",
  "CoilCombinationMethod": "Sum of Squares",
  "CoilString": "HeadNeck_20",
  "ConversionSoftware": "dcm2niix",
  "ConversionSoftwareVersion": "v1.0.20240202",
  "DerivedVendorReportedEchoSpacing": 0.000490004,
  "DeviceSerialNumber": "166048",
  "DwellTime": 2.5e-06,
  "EchoNumber": 4,
  "EchoTime": 0.06702,
  "EchoTrainLength": 34,
  "EffectiveEchoSpacing": 0.000245002,
  "FlipAngle": 50,
  "FrequencyEncodingSteps": 80,
  "HeudiconvVersion": "1.3.3",
  "ImageComments": "Unaliased MB3/PE4/LB",
  "ImageOrientationPatientDICOM": [
    1,
    0,
    0,
    0,
    1,
    0
  ],
  "ImageType": [
    "ORIGINAL",
    "PRIMARY",
    "FMRI",
    "NONE"
  ],
  "ImageTypeText": [
    "ORIGINAL",
    "PRIMARY",
    "M",
    "MB",
    "TE4",
    "NORM",
    "DIS2D"
  ],
  "ImagingFrequency": 123.248515,
  "InPlanePhaseEncodingDirectionDICOM": "COL",
  "InstitutionAddress": "North 13th 1701,Philadelphia,PA,US,19122",
  "InstitutionName": "Temple University - Weiss Hall",
  "MRAcquisitionType": "2D",
  "MTState": false,
  "MagneticFieldStrength": 3,
  "Manufacturer": "Siemens",
  "ManufacturersModelName": "MAGNETOM Prisma",
  "MatrixCoilMode": "GRAPPA",
  "Modality": "MR",
  "MultibandAccelerationFactor": 3,
  "NonlinearGradientCorrection": true,
  "ParallelAcquisitionTechnique": "GRAPPA",
  "ParallelReductionFactorInPlane": 2,
  "PartialFourier": 0.875,
  "PartialFourierDirection": "PHASE",
  "PatientPosition": "HFS",
  "PercentPhaseFOV": 100,
  "PercentSampling": 100,
  "PhaseEncodingDirection": "j-",
  "PhaseEncodingSteps": 80,
  "PhaseResolution": 1,
  "PixelBandwidth": 2500,
  "ProtocolName": "task-Trust_run2_CMRR_MB3_IP2_ME4_TR1615",
  "PulseSequenceDetails": "%CustomerSeq%\\cmrr_mbep2d_bold",
  "PulseSequenceName": "epfid2d4_80",
  "ReceiveCoilActiveElements": "HE1-4;NE1,2",
  "ReceiveCoilName": "HeadNeck_20",
  "ReconMatrixPE": 80,
  "RefLinesPE": 58,
  "RepetitionTime": 1.615,
  "ScanOptions": "PFP\\FS",
  "ScanningSequence": "EP",
  "SequenceVariant": "SK\\SS",
  "SeriesDescription": "task-Trust_run2_CMRR_MB3_IP2_ME4_TR1615",
  "SeriesNumber": 30,
  "ShimSetting": [
    3028,
    -11789,
    6740,
    230,
    54,
    -390,
    -52,
    -8
  ],
  "SliceThickness": 2.7,
  "SliceTiming": [
    0,
    0.845,
    0.0925,
    0.9375,
    0.1875,
    1.0325,
    0.28,
    1.125,
    0.375,
    1.22,
    0.4675,
    1.3125,
    0.5625,
    1.4075,
    0.655,
    1.5,
    0.75,
    0,
    0.845,
    0.0925,
    0.9375,
    0.1875,
    1.0325,
    0.28,
    1.125,
    0.375,
    1.22,
    0.4675,
    1.3125,
    0.5625,
    1.4075,
    0.655,
    1.5,
    0.75,
    0,
    0.845,
    0.0925,
    0.9375,
    0.1875,
    1.0325,
    0.28,
    1.125,
    0.375,
    1.22,
    0.4675,
    1.3125,
    0.5625,
    1.4075,
    0.655,
    1.5,
    0.75
  ],
  "SoftwareVersions": "syngo MR XA30",
  "SpacingBetweenSlices": 2.97,
  "StationName": "AWP166048",
  "TaskName": "trust",
  "TotalReadoutTime": 0.0193552,
  "TxRefAmp": 280.078,
  "WipMemBlock": "5f4458c4-f3fe-4503-a98f-514e9ec92084||Sequence: R017 nxva30a/master r/d8d65e45a; Feb 10 2025 13:35:02 by eja"
}