{
  "AcquisitionDuration": 421.692,
  "AcquisitionMatrixPE": 80,
  "AcquisitionNumber": 1,
  "AcquisitionTime": "14:11:15.222500",
  "BandwidthPerPixelPhaseEncode": 51.02,
  "BaseResolution": 80,
  "BidsGuess": [
    "func",
    "_acq-epfid2p2_dir-AP_run-7_echo-4_bold"
  ],
  "BodyPartExamined": "BRAIN",
  "CoilCombinationMethod": "Sum of Squares",
  "CoilString": "HeadNeck_20",
  "ConversionSoftware": "dcm2niix",
  "ConversionSoftwareVersion": "v1.0.20240202",
  "DerivedVendorReportedEchoSpacing": 0.000490004,
  "DeviceSerialNumber": "166048",
  "DwellTime": 2.5e-06,
  "EchoNumber": 4,
  "EchoTime": 0.06702,
  "EchoTrainLength": 34,
  "EffectiveEchoSpacing": 0.000245002,
  "FlipAngle": 50,
  "FrequencyEncodingSteps": 80,
  "HeudiconvVersion": "1.3.3",
  "ImageComments": "Not for diagnostic use, Project: Smith-SRA, Single-band reference SENSE1++",
  "ImageOrientationPatientDICOM": [
    1,
    0,
    0,
    0,
    1,
    0
  ],
  "ImageType": [
    "ORIGINAL",
    "PRIMARY",
    "FMRI",
    "NONE"
  ],
  "ImageTypeText": [
    "ORIGINAL",
    "PRIMARY",
    "M",
    "TE4",
    "ND",
    "NORM"
  ],
  "ImagingFrequency": 123.249077,
  "InPlanePhaseEncodingDirectionDICOM": "COL",
  "InstitutionAddress": "North 13th 1701,Philadelphia,PA,US,19122",
  "InstitutionName": "Temple University - Weiss Hall",
  "MRAcquisitionType": "2D",
  "MTState": false,
  "MagneticFieldStrength": 3,
  "Manufacturer": "Siemens",
  "ManufacturersModelName": "MAGNETOM Prisma",
  "MatrixCoilMode": "GRAPPA",
  "Modality": "MR",
  "NonlinearGradientCorrection": false,
  "ParallelAcquisitionTechnique": "GRAPPA",
  "ParallelReductionFactorInPlane": 2,
  "PartialFourier": 0.875,
  "PartialFourierDirection": "PHASE",
  "PatientPosition": "HFS",
  "PercentPhaseFOV": 100,
  "PercentSampling": 100,
  "PhaseEncodingDirection": "j-",
  "PhaseEncodingSteps": 80,
  "PhaseResolution": 1,
  "PixelBandwidth": 2500,
  "ProtocolName": "task-SocialDoors_doors_CMRR_MB3_IP2_ME4_TR1615",
  "PulseSequenceDetails": "%CustomerSeq%\\cmrr_mbep2d_bold",
  "PulseSequenceName": "epfid2d4_80",
  "ReceiveCoilActiveElements": "HE1-4",
  "ReceiveCoilName": "HeadNeck_20",
  "ReconMatrixPE": 80,
  "RefLinesPE": 58,
  "RepetitionTime": 1.615,
  "ScanOptions": "PFP\\FS",
  "ScanningSequence": "EP",
  "SequenceVariant": "SK\\SS",
  "SeriesDescription": "task-SocialDoors_doors_CMRR_MB3_IP2_ME4_TR1615_SBRef",
  "SeriesNumber": 7,
  "ShimSetting": [
    3007,
    -11764,
    6714,
    407,
    52,
    -343,
    -130,
    68
  ],
  "SliceThickness": 2.7,
  "SliceTiming": [
    40.36,
    40.2675,
    40.1725,
    40.08,
    39.985,
    39.8925,
    39.7975,
    39.705,
    39.61,
    39.5175,
    39.4225,
    39.33,
    39.235,
    39.1425,
    39.0475,
    38.955,
    38.86,
    38.7675,
    38.6725,
    38.5775,
    38.485,
    38.39,
    38.2975,
    38.2025,
    38.11,
    38.015,
    37.9225,
    37.8275,
    37.735,
    37.64,
    37.5475,
    37.4525,
    37.36,
    37.265,
    37.1725,
    37.0775,
    36.9825,
    36.89,
    36.795,
    36.7025,
    36.6075,
    36.515,
    36.42,
    36.3275,
    36.2325,
    36.14,
    36.045,
    35.9525,
    35.8575,
    35.765,
    35.67
  ],
  "SoftwareVersions": "syngo MR XA60",
  "SpacingBetweenSlices": 2.97,
  "StationName": "AWP166048",
  "TaskName": "doors",
  "TotalReadoutTime": 0.0193552,
  "TxRefAmp": 246.422,
  "WipMemBlock": "9e60c878-05ab-4112-8306-60466e28e6b3||Sequence: R017 nxva60a/main r/452845729; Apr 24 2025 10:56:00 by eja"
}