{
  "AcquisitionDuration": 45.572,
  "AcquisitionMatrixPE": 120,
  "AcquisitionNumber": 1,
  "AcquisitionTime": "12:23:30.942500",
  "BandwidthPerPixelPhaseEncode": 30.864,
  "BaseResolution": 120,
  "BidsGuess": [
    "fmap",
    "_acq-epse2p2_dir-PA_run-48_epi"
  ],
  "BodyPartExamined": "BRAIN",
  "CoilCombinationMethod": "Sum of Squares",
  "CoilString": "HeadNeck_20",
  "ConversionSoftware": "dcm2niix",
  "ConversionSoftwareVersion": "v1.0.20240202",
  "DerivedVendorReportedEchoSpacing": 0.000540003,
  "DeviceSerialNumber": "166048",
  "DwellTime": 1.9e-06,
  "EchoTime": 0.0846,
  "EchoTrainLength": 59,
  "EffectiveEchoSpacing": 0.000270002,
  "FlipAngle": 90,
  "FrequencyEncodingSteps": 120,
  "HeudiconvVersion": "1.3.3",
  "ImageComments": "Not for diagnostic use, Project: Smith-SRA, Unaliased MB3/PE4 SENSE1",
  "ImageOrientationPatientDICOM": [
    1,
    -3.45863e-08,
    -1.21618e-07,
    -3.45863e-08,
    0.850354,
    -0.526212
  ],
  "ImageType": [
    "ORIGINAL",
    "PRIMARY",
    "FMRI",
    "NONE"
  ],
  "ImageTypeText": [
    "ORIGINAL",
    "PRIMARY",
    "M",
    "MB",
    "ND"
  ],
  "ImagingFrequency": 123.249148,
  "InPlanePhaseEncodingDirectionDICOM": "COL",
  "InstitutionAddress": "North 13th 1701,Philadelphia,PA,US,19122",
  "InstitutionName": "Temple University - Weiss Hall",
  "IntendedFor": [
    "ses-01/func/sub-11748_ses-01_task-doors_run-1_echo-1_part-mag_bold.nii.gz",
    "ses-01/func/sub-11748_ses-01_task-doors_run-1_echo-2_part-mag_bold.nii.gz",
    "ses-01/func/sub-11748_ses-01_task-doors_run-1_echo-3_part-mag_bold.nii.gz",
    "ses-01/func/sub-11748_ses-01_task-doors_run-1_echo-4_part-mag_bold.nii.gz",
    "ses-01/func/sub-11748_ses-01_task-sharedreward_run-1_echo-1_part-mag_bold.nii.gz",
    "ses-01/func/sub-11748_ses-01_task-sharedreward_run-1_echo-2_part-mag_bold.nii.gz",
    "ses-01/func/sub-11748_ses-01_task-sharedreward_run-1_echo-3_part-mag_bold.nii.gz",
    "ses-01/func/sub-11748_ses-01_task-sharedreward_run-1_echo-4_part-mag_bold.nii.gz",
    "ses-01/func/sub-11748_ses-01_task-sharedreward_run-2_echo-1_part-mag_bold.nii.gz",
    "ses-01/func/sub-11748_ses-01_task-sharedreward_run-2_echo-2_part-mag_bold.nii.gz",
    "ses-01/func/sub-11748_ses-01_task-sharedreward_run-2_echo-3_part-mag_bold.nii.gz",
    "ses-01/func/sub-11748_ses-01_task-sharedreward_run-2_echo-4_part-mag_bold.nii.gz",
    "ses-01/func/sub-11748_ses-01_task-socialdoors_run-1_echo-1_part-mag_bold.nii.gz",
    "ses-01/func/sub-11748_ses-01_task-socialdoors_run-1_echo-2_part-mag_bold.nii.gz",
    "ses-01/func/sub-11748_ses-01_task-socialdoors_run-1_echo-3_part-mag_bold.nii.gz",
    "ses-01/func/sub-11748_ses-01_task-socialdoors_run-1_echo-4_part-mag_bold.nii.gz",
    "ses-01/func/sub-11748_ses-01_task-trust_run-1_echo-1_part-mag_bold.nii.gz",
    "ses-01/func/sub-11748_ses-01_task-trust_run-1_echo-2_part-mag_bold.nii.gz",
    "ses-01/func/sub-11748_ses-01_task-trust_run-1_echo-3_part-mag_bold.nii.gz",
    "ses-01/func/sub-11748_ses-01_task-trust_run-1_echo-4_part-mag_bold.nii.gz",
    "ses-01/func/sub-11748_ses-01_task-trust_run-2_echo-1_part-mag_bold.nii.gz",
    "ses-01/func/sub-11748_ses-01_task-trust_run-2_echo-2_part-mag_bold.nii.gz",
    "ses-01/func/sub-11748_ses-01_task-trust_run-2_echo-3_part-mag_bold.nii.gz",
    "ses-01/func/sub-11748_ses-01_task-trust_run-2_echo-4_part-mag_bold.nii.gz",
    "ses-01/func/sub-11748_ses-01_task-ugr_run-1_echo-1_part-mag_bold.nii.gz",
    "ses-01/func/sub-11748_ses-01_task-ugr_run-1_echo-2_part-mag_bold.nii.gz",
    "ses-01/func/sub-11748_ses-01_task-ugr_run-1_echo-3_part-mag_bold.nii.gz",
    "ses-01/func/sub-11748_ses-01_task-ugr_run-1_echo-4_part-mag_bold.nii.gz",
    "ses-01/func/sub-11748_ses-01_task-ugr_run-2_echo-1_part-mag_bold.nii.gz",
    "ses-01/func/sub-11748_ses-01_task-ugr_run-2_echo-2_part-mag_bold.nii.gz",
    "ses-01/func/sub-11748_ses-01_task-ugr_run-2_echo-3_part-mag_bold.nii.gz",
    "ses-01/func/sub-11748_ses-01_task-ugr_run-2_echo-4_part-mag_bold.nii.gz"
  ],
  "MRAcquisitionType": "2D",
  "MTState": false,
  "MagneticFieldStrength": 3,
  "Manufacturer": "Siemens",
  "ManufacturersModelName": "MAGNETOM Prisma",
  "MatrixCoilMode": "GRAPPA",
  "Modality": "MR",
  "NonlinearGradientCorrection": false,
  "ParallelAcquisitionTechnique": "GRAPPA",
  "ParallelReductionFactorInPlane": 2,
  "PartialFourier": 1,
  "PatientPosition": "HFS",
  "PercentPhaseFOV": 100,
  "PercentSampling": 100,
  "PhaseEncodingDirection": "j",
  "PhaseEncodingSteps": 120,
  "PhaseResolution": 1,
  "PixelBandwidth": 2193,
  "ProtocolName": "cmrr_fieldmapse_pa",
  "PulseSequenceDetails": "%CustomerSeq%\\cmrr_mbep2d_se",
  "PulseSequenceName": "epse2d1_120",
  "ReceiveCoilActiveElements": "HE1-4;NE1,2",
  "ReceiveCoilName": "HeadNeck_20",
  "ReconMatrixPE": 120,
  "RefLinesPE": 24,
  "RepetitionTime": 2.71,
  "ScanOptions": "FS",
  "ScanningSequence": "EP",
  "SequenceVariant": "SK",
  "SeriesDescription": "cmrr_fieldmapse_pa",
  "SeriesNumber": 48,
  "ShimSetting": [
    3032,
    -11790,
    6788,
    493,
    56,
    -122,
    11,
    -33
  ],
  "SliceThickness": 2,
  "SliceTiming": [
    0,
    1.405,
    0.1175,
    1.5225,
    0.235,
    1.6375,
    0.3525,
    1.755,
    0.47,
    1.8725,
    0.585,
    1.99,
    0.7025,
    2.105,
    0.82,
    2.2225,
    0.9375,
    2.34,
    1.0525,
    2.4575,
    1.17,
    2.575,
    1.2875,
    0,
    1.405,
    0.1175,
    1.5225,
    0.235,
    1.6375,
    0.3525,
    1.755,
    0.47,
    1.8725,
    0.585,
    1.99,
    0.7025,
    2.105,
    0.82,
    2.2225,
    0.9375,
    2.34,
    1.0525,
    2.4575,
    1.17,
    2.575,
    1.2875,
    0,
    1.405,
    0.1175,
    1.5225,
    0.235,
    1.6375,
    0.3525,
    1.755,
    0.47,
    1.8725,
    0.585,
    1.99,
    0.7025,
    2.105,
    0.82,
    2.2225,
    0.9375,
    2.34,
    1.0525,
    2.4575,
    1.17,
    2.575,
    1.2875
  ],
  "SoftwareVersions": "syngo MR XA60",
  "SpacingBetweenSlices": 2,
  "StationName": "AWP166048",
  "TotalReadoutTime": 0.0321302,
  "TxRefAmp": 274.231,
  "WipMemBlock": "a9bf6ead-8364-4792-8984-28cebf72279e||Sequence: R017 nxva60a/main r/452845729; Apr 24 2025 11:02:43 by eja"
}