{
  "AcquisitionDuration": 102.542,
  "AcquisitionMatrixPE": 80,
  "AcquisitionNumber": 1,
  "AcquisitionTime": "17:48:11.917500",
  "BaseResolution": 80,
  "BidsGuess": [
    "fmap",
    "_acq-fm2_phasediff"
  ],
  "BodyPartExamined": "BRAIN",
  "CoilCombinationMethod": "Sum of Squares",
  "CoilString": "HeadNeck_20",
  "ConversionSoftware": "dcm2niix",
  "ConversionSoftwareVersion": "v1.0.20240202",
  "DeviceSerialNumber": "166048",
  "DwellTime": 1.78e-05,
  "EchoNumber": 2,
  "EchoTime": 0.00738,
  "EchoTime1": 0.00492,
  "EchoTime2": 0.00738,
  "FlipAngle": 60,
  "FrequencyEncodingSteps": 80,
  "HeudiconvVersion": "1.3.3",
  "ImageComments": "Project: Smith-SRA",
  "ImageOrientationPatientDICOM": [
    1,
    3.73514e-09,
    2.07398e-08,
    3.73514e-09,
    0.937169,
    -0.348876
  ],
  "ImageType": [
    "ORIGINAL",
    "PRIMARY",
    "P",
    "NONE",
    "PHASE"
  ],
  "ImageTypeText": [
    "ORIGINAL",
    "PRIMARY",
    "P",
    "DIS2D"
  ],
  "ImagingFrequency": 123.249114,
  "InPlanePhaseEncodingDirectionDICOM": "COL",
  "InstitutionAddress": "North 13th 1701,Philadelphia,PA,US,19122",
  "InstitutionName": "Temple University - Weiss Hall",
  "MRAcquisitionType": "2D",
  "MTState": false,
  "MagneticFieldStrength": 3,
  "Manufacturer": "Siemens",
  "ManufacturersModelName": "MAGNETOM Prisma",
  "MatrixCoilMode": "SENSE",
  "Modality": "MR",
  "NonlinearGradientCorrection": true,
  "PartialFourier": 1,
  "PatientPosition": "HFS",
  "PercentPhaseFOV": 100,
  "PercentSampling": 100,
  "PhaseEncodingDirection": "j-",
  "PhaseEncodingSteps": 80,
  "PhaseResolution": 1,
  "PixelBandwidth": 351,
  "ProtocolName": "fmap_gre_field_mapping_2p8iso",
  "PulseSequenceDetails": "%SiemensSeq%\\gre_field_mapping",
  "PulseSequenceName": "*fm2d2r",
  "ReceiveCoilActiveElements": "HE1-4;NE1,2",
  "ReceiveCoilName": "HeadNeck_20",
  "ReconMatrixPE": 80,
  "RepetitionTime": 0.645,
  "ScanningSequence": "GR",
  "SequenceVariant": "SP",
  "SeriesDescription": "fmap_gre_field_mapping_2p8iso",
  "SeriesNumber": 6,
  "ShimSetting": [
    3027,
    -11693,
    6665,
    261,
    54,
    -596,
    163,
    22
  ],
  "SliceThickness": 2.7,
  "SliceTiming": [
    0.3225,
    0,
    0.3325,
    0.01,
    0.345,
    0.0225,
    0.3575,
    0.035,
    0.37,
    0.0475,
    0.38,
    0.0575,
    0.3925,
    0.07,
    0.405,
    0.0825,
    0.4175,
    0.095,
    0.43,
    0.1075,
    0.44,
    0.1175,
    0.4525,
    0.13,
    0.465,
    0.1425,
    0.4775,
    0.155,
    0.4875,
    0.165,
    0.5,
    0.1775,
    0.5125,
    0.19,
    0.525,
    0.2025,
    0.5375,
    0.215,
    0.5475,
    0.225,
    0.56,
    0.2375,
    0.5725,
    0.25,
    0.585,
    0.2625,
    0.595,
    0.2725,
    0.6075,
    0.285,
    0.62,
    0.2975,
    0.6325,
    0.31
  ],
  "SoftwareVersions": "syngo MR XA30",
  "SpacingBetweenSlices": 2.97,
  "StationName": "AWP166048",
  "TxRefAmp": 292.336
}