{
  "AcquisitionDuration": 434.582,
  "AcquisitionMatrixPE": 120,
  "AcquisitionNumber": 1,
  "AcquisitionTime": "16:14:48.492500",
  "BandwidthPerPixelPhaseEncode": 30.864,
  "BaseResolution": 120,
  "BidsGuess": [
    "dwi",
    "_acq-epse2p2_dir-AP_run-43_dwi"
],
  "BodyPartExamined": "BRAIN",
  "CoilCombinationMethod": "Sum of Squares",
  "CoilString": "HeadNeck_20",
  "ConversionSoftware": "dcm2niix",
  "ConversionSoftwareVersion": "v1.0.20240202",
  "DerivedVendorReportedEchoSpacing": 0.000540003,
  "DeviceSerialNumber": "166048",
  "DiffusionScheme": "Monopolar",
  "DwellTime": 1.9e-06,
  "EchoTime": 0.085,
  "EchoTrainLength": 59,
  "EffectiveEchoSpacing": 0.000270002,
  "FlipAngle": 90,
  "FrequencyEncodingSteps": 120,
  "HeudiconvVersion": "1.3.3",
  "ImageComments": "Not for diagnostic use, Project: Smith-SRA, Unaliased MB3/PE4 SENSE1",
  "ImageOrientationPatientDICOM": [1, -6.06471e-10, 1.05192e-08, -6.06471e-10, 0.993374, 0.114925],
  "ImageType": [
    "ORIGINAL",
    "PRIMARY",
    "DIFFUSION",
    "NONE"
],
  "ImageTypeText": [
    "ORIGINAL",
    "PRIMARY",
    "DIFFUSION",
    "NONE",
    "MB",
    "ND",
    "NORM"
],
  "ImagingFrequency": 123.249153,
  "InPlanePhaseEncodingDirectionDICOM": "COL",
  "InstitutionAddress": "North 13th 1701,Philadelphia,PA,US,19122",
  "InstitutionName": "Temple University - Weiss Hall",
  "MRAcquisitionType": "2D",
  "MTState": false,
  "MagneticFieldStrength": 3,
  "Manufacturer": "Siemens",
  "ManufacturersModelName": "MAGNETOM Prisma",
  "MatrixCoilMode": "GRAPPA",
  "Modality": "MR",
  "NonlinearGradientCorrection": false,
  "ParallelAcquisitionTechnique": "GRAPPA",
  "ParallelReductionFactorInPlane": 2,
  "PartialFourier": 1,
  "PatientPosition": "HFS",
  "PercentPhaseFOV": 100,
  "PercentSampling": 100,
  "PhaseEncodingDirection": "j-",
  "PhaseEncodingSteps": 120,
  "PhaseResolution": 1,
  "PixelBandwidth": 2193,
  "ProtocolName": "cmrr_mb3hydi_ipat2_64ch",
  "PulseSequenceDetails": "%CustomerSeq%\\cmrr_mbep2d_diff",
  "PulseSequenceName": "epse2d1_120",
  "ReceiveCoilActiveElements": "HE1-4",
  "ReceiveCoilName": "HeadNeck_20",
  "ReconMatrixPE": 120,
  "RefLinesPE": 24,
  "RepetitionTime": 2.72,
  "ScanOptions": "FS",
  "ScanningSequence": "EP",
  "SequenceVariant": "SK\\SS",
  "SeriesDescription": "cmrr_mb3hydi_ipat2_64ch",
  "SeriesNumber": 43,
  "ShimSetting": [3019, -11747, 6707, 203, -10, -378, 12, 20],
  "SliceThickness": 2,
  "SliceTiming": [0, 1.41, 0.1175, 1.5275, 0.235, 1.645, 0.3525, 1.7625, 0.47, 1.88, 0.5875, 1.9975, 0.705, 2.115, 0.8225, 2.2325, 0.94, 2.3475, 1.0575, 2.465, 1.175, 2.5825, 1.2925, 0, 1.41, 0.1175, 1.5275, 0.235, 1.645, 0.3525, 1.7625, 0.47, 1.88, 0.5875, 1.9975, 0.705, 2.115, 0.8225, 2.2325, 0.94, 2.3475, 1.0575, 2.465, 1.175, 2.5825, 1.2925, 0, 1.41, 0.1175, 1.5275, 0.235, 1.645, 0.3525, 1.7625, 0.47, 1.88, 0.5875, 1.9975, 0.705, 2.115, 0.8225, 2.2325, 0.94, 2.3475, 1.0575, 2.465, 1.175, 2.5825, 1.2925],
  "SoftwareVersions": "syngo MR XA60",
  "SpacingBetweenSlices": 2,
  "StationName": "AWP166048",
  "TotalReadoutTime": 0.0321302,
  "TxRefAmp": 256.972,
  "WipMemBlock": "f29c8347-b911-4f63-87eb-404ca599d512||Sequence: R017 nxva60a/main r/452845729; Apr 24 2025 10:59:32 by eja"
}