{
  "AcquisitionMatrixPE": 80,
  "AcquisitionNumber": 1,
  "AcquisitionTime": "14:20:48.750000",
  "BandwidthPerPixelPhaseEncode": 51.02,
  "BaseResolution": 80,
  "BidsGuess": [
    "func",
    "_acq-epfid2p2m3_dir-AP_run-29_echo-1_bold"
  ],
  "BodyPartExamined": "BRAIN",
  "CoilCombinationMethod": "Sum of Squares",
  "ConsistencyInfo": "N4_VE11E_LATEST_20181129",
  "ConversionSoftware": "dcm2niix",
  "ConversionSoftwareVersion": "v1.0.20240202",
  "DerivedVendorReportedEchoSpacing": 0.000490004,
  "DeviceSerialNumber": "166048",
  "DwellTime": 2.5e-06,
  "EchoNumber": 1,
  "EchoTime": 0.0138,
  "EchoTrainLength": 34,
  "EffectiveEchoSpacing": 0.000245002,
  "FlipAngle": 50,
  "HeudiconvVersion": "1.3.3",
  "ImageComments": "Unaliased MB3/PE4/LB SENSE1+",
  "ImageOrientationPatientDICOM": [
    0.992547,
    0.000634231,
    0.121864,
    1.19457e-08,
    0.999986,
    -0.00520445
  ],
  "ImageOrientationText": "Tra>Sag(7.0)>Cor(-0.3)",
  "ImageType": [
    "ORIGINAL",
    "PRIMARY",
    "M",
    "MB",
    "TE1",
    "ND",
    "NORM",
    "MOSAIC"
  ],
  "ImagingFrequency": 123.25568,
  "InPlanePhaseEncodingDirectionDICOM": "COL",
  "InstitutionAddress": "North 13th 1701,Philadelphia,PA,US,19122",
  "InstitutionName": "Temple University - Weiss Hall",
  "InstitutionalDepartmentName": "Department",
  "IntendedFor": [
    "ses-01/func/sub-10940_ses-01_task-sharedreward_run-2_echo-1_part-mag_bold.nii.gz",
    "ses-01/func/sub-10940_ses-01_task-sharedreward_run-2_echo-2_part-mag_bold.nii.gz",
    "ses-01/func/sub-10940_ses-01_task-sharedreward_run-2_echo-3_part-mag_bold.nii.gz",
    "ses-01/func/sub-10940_ses-01_task-sharedreward_run-2_echo-4_part-mag_bold.nii.gz",
    "ses-01/func/sub-10940_ses-01_task-trust_run-2_echo-1_part-mag_bold.nii.gz",
    "ses-01/func/sub-10940_ses-01_task-trust_run-2_echo-2_part-mag_bold.nii.gz",
    "ses-01/func/sub-10940_ses-01_task-trust_run-2_echo-3_part-mag_bold.nii.gz",
    "ses-01/func/sub-10940_ses-01_task-trust_run-2_echo-4_part-mag_bold.nii.gz",
    "ses-01/func/sub-10940_ses-01_task-ugr_run-2_echo-1_part-mag_bold.nii.gz",
    "ses-01/func/sub-10940_ses-01_task-ugr_run-2_echo-2_part-mag_bold.nii.gz",
    "ses-01/func/sub-10940_ses-01_task-ugr_run-2_echo-3_part-mag_bold.nii.gz",
    "ses-01/func/sub-10940_ses-01_task-ugr_run-2_echo-4_part-mag_bold.nii.gz"
  ],
  "MRAcquisitionType": "2D",
  "MagneticFieldStrength": 3,
  "Manufacturer": "Siemens",
  "ManufacturersModelName": "Prisma",
  "MatrixCoilMode": "GRAPPA",
  "Modality": "MR",
  "MultibandAccelerationFactor": 3,
  "NonlinearGradientCorrection": false,
  "ParallelReductionFactorInPlane": 2,
  "PartialFourier": 0.875,
  "PatientPosition": "HFS",
  "PercentPhaseFOV": 100,
  "PercentSampling": 100,
  "PhaseEncodingDirection": "j-",
  "PhaseEncodingSteps": 69,
  "PhaseResolution": 1,
  "PixelBandwidth": 2500,
  "ProcedureStepDescription": "Smith Lab^SRA",
  "ProtocolName": "task-Trust_run2_CMRR_MB3_IP2_ME4_TR1615",
  "PulseSequenceDetails": "%CustomerSeq%\\cmrr_mbep2d_bold",
  "ReceiveCoilActiveElements": "HE1-4",
  "ReceiveCoilName": "HeadNeck_20",
  "ReconMatrixPE": 80,
  "RefLinesPE": 58,
  "RepetitionTime": 1.615,
  "SAR": 0.0339288,
  "ScanOptions": "PFP\\FS",
  "ScanningSequence": "EP",
  "SequenceName": "epfid2d4_80",
  "SequenceVariant": "SK\\SS",
  "SeriesDescription": "task-Trust_run2_CMRR_MB3_IP2_ME4_TR1615",
  "SeriesNumber": 29,
  "ShimSetting": [
    3047,
    -11842,
    6777,
    465,
    71,
    -96,
    -13,
    15
  ],
  "SliceThickness": 2.7,
  "SliceTiming": [
    1.5,
    1.4075,
    1.3125,
    1.2175,
    1.125,
    1.03,
    0.9375,
    0.8425,
    0.75,
    0.655,
    0.5625,
    0.4675,
    0.375,
    0.28,
    0.1875,
    0.0925,
    0,
    1.5,
    1.4075,
    1.3125,
    1.2175,
    1.125,
    1.03,
    0.9375,
    0.8425,
    0.75,
    0.655,
    0.5625,
    0.4675,
    0.375,
    0.28,
    0.1875,
    0.0925,
    0,
    1.5,
    1.4075,
    1.3125,
    1.2175,
    1.125,
    1.03,
    0.9375,
    0.8425,
    0.75,
    0.655,
    0.5625,
    0.4675,
    0.375,
    0.28,
    0.1875,
    0.0925,
    0
  ],
  "SoftwareVersions": "syngo MR E11",
  "SpacingBetweenSlices": 2.97,
  "StationName": "AWP166048",
  "TaskName": "trust",
  "TotalReadoutTime": 0.0193552,
  "TxRefAmp": 268.625,
  "Units": "Hz",
  "WipMemBlock": "c95da2fc-e0fc-4aa2-b30d-d2d37334c0da||Sequence: R016 ve11e/master r/434b28f1; Aug  7 2019 18:53:46 by eja"
}