{
  "AcquisitionDuration": 466.692,
  "AcquisitionMatrixPE": 80,
  "AcquisitionNumber": 1,
  "AcquisitionTime": "12:23:42.717500",
  "BandwidthPerPixelPhaseEncode": 51.02,
  "BaseResolution": 80,
  "BidsGuess": [
    "func",
    "_acq-epfid2p2_dir-AP_run-27_echo-4_bold"
  ],
  "BodyPartExamined": "BRAIN",
  "CoilCombinationMethod": "Sum of Squares",
  "CoilString": "HeadNeck_20",
  "ConversionSoftware": "dcm2niix",
  "ConversionSoftwareVersion": "v1.0.20240202",
  "DerivedVendorReportedEchoSpacing": 0.000490004,
  "DeviceSerialNumber": "166048",
  "DwellTime": 2.5e-06,
  "EchoNumber": 4,
  "EchoTime": 0.06702,
  "EchoTrainLength": 34,
  "EffectiveEchoSpacing": 0.000245002,
  "FlipAngle": 50,
  "FrequencyEncodingSteps": 80,
  "HeudiconvVersion": "1.3.3",
  "ImageComments": "Single-band reference SENSE1++",
  "ImageOrientationPatientDICOM": [
    0.99975,
    0.00361711,
    0.0220615,
    -3.60357e-08,
    0.986824,
    -0.161794
  ],
  "ImageType": [
    "ORIGINAL",
    "PRIMARY",
    "FMRI",
    "NONE"
  ],
  "ImageTypeText": [
    "ORIGINAL",
    "PRIMARY",
    "M",
    "TE4",
    "NORM",
    "DIS2D"
  ],
  "ImagingFrequency": 123.249061,
  "InPlanePhaseEncodingDirectionDICOM": "COL",
  "InstitutionAddress": "North 13th 1701,Philadelphia,PA,US,19122",
  "InstitutionName": "Temple University - Weiss Hall",
  "MRAcquisitionType": "2D",
  "MTState": false,
  "MagneticFieldStrength": 3,
  "Manufacturer": "Siemens",
  "ManufacturersModelName": "MAGNETOM Prisma",
  "MatrixCoilMode": "GRAPPA",
  "Modality": "MR",
  "NonlinearGradientCorrection": true,
  "ParallelAcquisitionTechnique": "GRAPPA",
  "ParallelReductionFactorInPlane": 2,
  "PartialFourier": 0.875,
  "PartialFourierDirection": "PHASE",
  "PatientPosition": "HFS",
  "PercentPhaseFOV": 100,
  "PercentSampling": 100,
  "PhaseEncodingDirection": "j-",
  "PhaseEncodingSteps": 80,
  "PhaseResolution": 1,
  "PixelBandwidth": 2500,
  "ProtocolName": "task-SharedReward_run2_CMRR_MB3_IP2_ME4_TR1615",
  "PulseSequenceDetails": "%CustomerSeq%\\cmrr_mbep2d_bold",
  "PulseSequenceName": "epfid2d4_80",
  "ReceiveCoilActiveElements": "HE1-4;NE1,2",
  "ReceiveCoilName": "HeadNeck_20",
  "ReconMatrixPE": 80,
  "RefLinesPE": 58,
  "RepetitionTime": 1.615,
  "ScanOptions": "PFP\\FS",
  "ScanningSequence": "EP",
  "SequenceVariant": "SK\\SS",
  "SeriesDescription": "task-SharedReward_run2_CMRR_MB3_IP2_ME4_TR1615_SBRef",
  "SeriesNumber": 27,
  "ShimSetting": [
    3029,
    -11776,
    6753,
    214,
    -46,
    -617,
    60,
    17
  ],
  "SliceThickness": 2.7,
  "SliceTiming": [
    0,
    0.0925,
    0.1875,
    0.2825,
    0.375,
    0.47,
    0.5625,
    0.6575,
    0.75,
    0.845,
    0.9375,
    1.0325,
    1.125,
    1.22,
    1.3125,
    1.4075,
    1.5,
    1.595,
    1.6875,
    1.7825,
    1.875,
    1.97,
    2.065,
    2.1575,
    2.2525,
    2.345,
    2.44,
    2.5325,
    2.6275,
    2.72,
    2.815,
    2.9075,
    3.0025,
    3.095,
    3.19,
    3.2825,
    3.3775,
    3.47,
    3.565,
    3.66,
    3.7525,
    3.8475,
    3.94,
    4.035,
    4.1275,
    4.2225,
    4.315,
    4.41,
    4.5025,
    4.5975,
    4.69
  ],
  "SoftwareVersions": "syngo MR XA30",
  "SpacingBetweenSlices": 2.97,
  "StationName": "AWP166048",
  "TaskName": "sharedreward",
  "TotalReadoutTime": 0.0193552,
  "TxRefAmp": 311.119,
  "WipMemBlock": "407432dc-67a0-4ec8-a23c-2c6465ef77d7||Sequence: R017 nxva30a/master r/d8d65e45a; Feb 10 2025 13:35:02 by eja"
}