{
  "AcquisitionDuration": 45.572,
  "AcquisitionMatrixPE": 120,
  "AcquisitionNumber": 1,
  "AcquisitionTime": "16:35:23.642500",
  "BandwidthPerPixelPhaseEncode": 30.864,
  "BaseResolution": 120,
  "BidsGuess": [
    "fmap",
    "_acq-epse2p2_dir-AP_run-46_epi"
  ],
  "BodyPartExamined": "BRAIN",
  "CoilCombinationMethod": "Sum of Squares",
  "CoilString": "HeadNeck_20",
  "ConversionSoftware": "dcm2niix",
  "ConversionSoftwareVersion": "v1.0.20240202",
  "DerivedVendorReportedEchoSpacing": 0.000540003,
  "DeviceSerialNumber": "166048",
  "DwellTime": 1.9e-06,
  "EchoTime": 0.0846,
  "EchoTrainLength": 59,
  "EffectiveEchoSpacing": 0.000270002,
  "FlipAngle": 90,
  "FrequencyEncodingSteps": 120,
  "HeudiconvVersion": "1.3.3",
  "ImageComments": "Project: Smith-SRA, Unaliased MB3/PE4 SENSE1",
  "ImageOrientationPatientDICOM": [
    1,
    -5.40059e-10,
    -1.31598e-08,
    -5.40059e-10,
    0.996637,
    -0.081939
  ],
  "ImageType": [
    "ORIGINAL",
    "PRIMARY",
    "FMRI",
    "NONE"
  ],
  "ImageTypeText": [
    "ORIGINAL",
    "PRIMARY",
    "M",
    "MB",
    "ND"
  ],
  "ImagingFrequency": 123.249177,
  "InPlanePhaseEncodingDirectionDICOM": "COL",
  "InstitutionAddress": "North 13th 1701,Philadelphia,PA,US,19122",
  "InstitutionName": "Temple University - Weiss Hall",
  "IntendedFor": [
    "ses-01/func/sub-11563_ses-01_task-doors_run-1_echo-1_part-mag_bold.nii.gz",
    "ses-01/func/sub-11563_ses-01_task-doors_run-1_echo-2_part-mag_bold.nii.gz",
    "ses-01/func/sub-11563_ses-01_task-doors_run-1_echo-3_part-mag_bold.nii.gz",
    "ses-01/func/sub-11563_ses-01_task-doors_run-1_echo-4_part-mag_bold.nii.gz",
    "ses-01/func/sub-11563_ses-01_task-sharedreward_run-1_echo-1_part-mag_bold.nii.gz",
    "ses-01/func/sub-11563_ses-01_task-sharedreward_run-1_echo-2_part-mag_bold.nii.gz",
    "ses-01/func/sub-11563_ses-01_task-sharedreward_run-1_echo-3_part-mag_bold.nii.gz",
    "ses-01/func/sub-11563_ses-01_task-sharedreward_run-1_echo-4_part-mag_bold.nii.gz",
    "ses-01/func/sub-11563_ses-01_task-sharedreward_run-2_echo-1_part-mag_bold.nii.gz",
    "ses-01/func/sub-11563_ses-01_task-sharedreward_run-2_echo-2_part-mag_bold.nii.gz",
    "ses-01/func/sub-11563_ses-01_task-sharedreward_run-2_echo-3_part-mag_bold.nii.gz",
    "ses-01/func/sub-11563_ses-01_task-sharedreward_run-2_echo-4_part-mag_bold.nii.gz",
    "ses-01/func/sub-11563_ses-01_task-socialdoors_run-1_echo-1_part-mag_bold.nii.gz",
    "ses-01/func/sub-11563_ses-01_task-socialdoors_run-1_echo-2_part-mag_bold.nii.gz",
    "ses-01/func/sub-11563_ses-01_task-socialdoors_run-1_echo-3_part-mag_bold.nii.gz",
    "ses-01/func/sub-11563_ses-01_task-socialdoors_run-1_echo-4_part-mag_bold.nii.gz",
    "ses-01/func/sub-11563_ses-01_task-trust_run-1_echo-1_part-mag_bold.nii.gz",
    "ses-01/func/sub-11563_ses-01_task-trust_run-1_echo-2_part-mag_bold.nii.gz",
    "ses-01/func/sub-11563_ses-01_task-trust_run-1_echo-3_part-mag_bold.nii.gz",
    "ses-01/func/sub-11563_ses-01_task-trust_run-1_echo-4_part-mag_bold.nii.gz",
    "ses-01/func/sub-11563_ses-01_task-trust_run-2_echo-1_part-mag_bold.nii.gz",
    "ses-01/func/sub-11563_ses-01_task-trust_run-2_echo-2_part-mag_bold.nii.gz",
    "ses-01/func/sub-11563_ses-01_task-trust_run-2_echo-3_part-mag_bold.nii.gz",
    "ses-01/func/sub-11563_ses-01_task-trust_run-2_echo-4_part-mag_bold.nii.gz",
    "ses-01/func/sub-11563_ses-01_task-ugr_run-1_echo-1_part-mag_bold.nii.gz",
    "ses-01/func/sub-11563_ses-01_task-ugr_run-1_echo-2_part-mag_bold.nii.gz",
    "ses-01/func/sub-11563_ses-01_task-ugr_run-1_echo-3_part-mag_bold.nii.gz",
    "ses-01/func/sub-11563_ses-01_task-ugr_run-1_echo-4_part-mag_bold.nii.gz",
    "ses-01/func/sub-11563_ses-01_task-ugr_run-2_echo-1_part-mag_bold.nii.gz",
    "ses-01/func/sub-11563_ses-01_task-ugr_run-2_echo-2_part-mag_bold.nii.gz",
    "ses-01/func/sub-11563_ses-01_task-ugr_run-2_echo-3_part-mag_bold.nii.gz",
    "ses-01/func/sub-11563_ses-01_task-ugr_run-2_echo-4_part-mag_bold.nii.gz"
  ],
  "MRAcquisitionType": "2D",
  "MTState": false,
  "MagneticFieldStrength": 3,
  "Manufacturer": "Siemens",
  "ManufacturersModelName": "MAGNETOM Prisma",
  "MatrixCoilMode": "GRAPPA",
  "Modality": "MR",
  "MultibandAccelerationFactor": 3,
  "NonlinearGradientCorrection": false,
  "ParallelAcquisitionTechnique": "GRAPPA",
  "ParallelReductionFactorInPlane": 2,
  "PartialFourier": 1,
  "PatientPosition": "HFS",
  "PercentPhaseFOV": 100,
  "PercentSampling": 100,
  "PhaseEncodingDirection": "j-",
  "PhaseEncodingSteps": 120,
  "PhaseResolution": 1,
  "PixelBandwidth": 2193,
  "ProtocolName": "cmrr_fieldmapse_ap",
  "PulseSequenceDetails": "%CustomerSeq%\\cmrr_mbep2d_se",
  "PulseSequenceName": "epse2d1_120",
  "ReceiveCoilActiveElements": "HE1-4",
  "ReceiveCoilName": "HeadNeck_20",
  "ReconMatrixPE": 120,
  "RefLinesPE": 24,
  "RepetitionTime": 2.71,
  "ScanOptions": "FS",
  "ScanningSequence": "EP",
  "SequenceVariant": "SK",
  "SeriesDescription": "cmrr_fieldmapse_ap",
  "SeriesNumber": 46,
  "ShimSetting": [
    3039,
    -11803,
    6761,
    295,
    -4,
    -86,
    -3,
    30
  ],
  "SliceThickness": 2,
  "SliceTiming": [
    0,
    1.4025,
    0.1175,
    1.52,
    0.235,
    1.6375,
    0.35,
    1.755,
    0.4675,
    1.87,
    0.585,
    1.9875,
    0.7025,
    2.105,
    0.8175,
    2.2225,
    0.935,
    2.34,
    1.0525,
    2.455,
    1.17,
    2.5725,
    1.2875,
    0,
    1.4025,
    0.1175,
    1.52,
    0.235,
    1.6375,
    0.35,
    1.755,
    0.4675,
    1.87,
    0.585,
    1.9875,
    0.7025,
    2.105,
    0.8175,
    2.2225,
    0.935,
    2.34,
    1.0525,
    2.455,
    1.17,
    2.5725,
    1.2875,
    0,
    1.4025,
    0.1175,
    1.52,
    0.235,
    1.6375,
    0.35,
    1.755,
    0.4675,
    1.87,
    0.585,
    1.9875,
    0.7025,
    2.105,
    0.8175,
    2.2225,
    0.935,
    2.34,
    1.0525,
    2.455,
    1.17,
    2.5725,
    1.2875
  ],
  "SoftwareVersions": "syngo MR XA30",
  "SpacingBetweenSlices": 2,
  "StationName": "AWP166048",
  "TotalReadoutTime": 0.0321302,
  "TxRefAmp": 307.586,
  "WipMemBlock": "b7affc1f-e1fb-4b2c-ac66-30c15e3f7be6||Sequence: R017 nxva30a/master r/d8d65e45a; Feb 10 2025 13:55:15 by eja"
}