{
  "AcquisitionDuration": 439.502,
  "AcquisitionMatrixPE": 80,
  "AcquisitionNumber": 1,
  "AcquisitionTime": "20:47:19.175000",
  "BandwidthPerPixelPhaseEncode": 51.02,
  "BaseResolution": 80,
  "BidsGuess": [
    "func",
    "_acq-epfid2p2_dir-AP_run-38_echo-3_part-phase_bold"
  ],
  "BodyPartExamined": "BRAIN",
  "CoilCombinationMethod": "Sum of Squares",
  "CoilString": "HeadNeck_20",
  "ConversionSoftware": "dcm2niix",
  "ConversionSoftwareVersion": "v1.0.20240202",
  "DerivedVendorReportedEchoSpacing": 0.000490004,
  "DeviceSerialNumber": "166048",
  "DwellTime": 2.5e-06,
  "EchoNumber": 3,
  "EchoTime": 0.04928,
  "EchoTime1": 0.0138,
  "EchoTime2": 0.03154,
  "EchoTrainLength": 34,
  "EffectiveEchoSpacing": 0.000245002,
  "FlipAngle": 50,
  "FrequencyEncodingSteps": 80,
  "HeudiconvVersion": "1.3.3",
  "ImageComments": "Project: Smith-SRA, Unaliased MB3/PE4/LB SENSE1++",
  "ImageOrientationPatientDICOM": [
    1,
    -3.45004e-10,
    5.25705e-09,
    -3.45004e-10,
    0.991423,
    0.130691
  ],
  "ImageType": [
    "ORIGINAL",
    "PRIMARY",
    "FMRI",
    "NONE",
    "PHASE"
  ],
  "ImageTypeText": [
    "ORIGINAL",
    "PRIMARY",
    "P",
    "MB",
    "TE3",
    "DIS2D"
  ],
  "ImagingFrequency": 123.249033,
  "InPlanePhaseEncodingDirectionDICOM": "COL",
  "InstitutionAddress": "North 13th 1701,Philadelphia,PA,US,19122",
  "InstitutionName": "Temple University - Weiss Hall",
  "MRAcquisitionType": "2D",
  "MTState": false,
  "MagneticFieldStrength": 3,
  "Manufacturer": "Siemens",
  "ManufacturersModelName": "MAGNETOM Prisma",
  "MatrixCoilMode": "GRAPPA",
  "Modality": "MR",
  "MultibandAccelerationFactor": 3,
  "NonlinearGradientCorrection": true,
  "ParallelAcquisitionTechnique": "GRAPPA",
  "ParallelReductionFactorInPlane": 2,
  "PartialFourier": 0.875,
  "PartialFourierDirection": "PHASE",
  "PatientPosition": "HFS",
  "PercentPhaseFOV": 100,
  "PercentSampling": 100,
  "PhaseEncodingDirection": "j-",
  "PhaseEncodingSteps": 80,
  "PhaseResolution": 1,
  "PixelBandwidth": 2500,
  "ProtocolName": "task-UGR_run2_CMRR_MB3_IP2_ME4_TR1615",
  "PulseSequenceDetails": "%CustomerSeq%\\cmrr_mbep2d_bold",
  "PulseSequenceName": "epfid2d4_80",
  "ReceiveCoilActiveElements": "HE1-4;NE1,2",
  "ReceiveCoilName": "HeadNeck_20",
  "ReconMatrixPE": 80,
  "RefLinesPE": 58,
  "RepetitionTime": 1.615,
  "ScanOptions": "PFP\\FS",
  "ScanningSequence": "EP",
  "SequenceVariant": "SK\\SS",
  "SeriesDescription": "task-UGR_run2_CMRR_MB3_IP2_ME4_TR1615_Pha",
  "SeriesNumber": 38,
  "ShimSetting": [
    3029,
    -11902,
    6786,
    119,
    56,
    -343,
    -2,
    86
  ],
  "SliceThickness": 2.7,
  "SliceTiming": [
    1.5,
    1.4075,
    1.3125,
    1.22,
    1.125,
    1.0325,
    0.9375,
    0.845,
    0.75,
    0.6575,
    0.5625,
    0.47,
    0.375,
    0.28,
    0.1875,
    0.0925,
    0,
    1.5,
    1.4075,
    1.3125,
    1.22,
    1.125,
    1.0325,
    0.9375,
    0.845,
    0.75,
    0.6575,
    0.5625,
    0.47,
    0.375,
    0.28,
    0.1875,
    0.0925,
    0,
    1.5,
    1.4075,
    1.3125,
    1.22,
    1.125,
    1.0325,
    0.9375,
    0.845,
    0.75,
    0.6575,
    0.5625,
    0.47,
    0.375,
    0.28,
    0.1875,
    0.0925,
    0
  ],
  "SoftwareVersions": "syngo MR XA30",
  "SpacingBetweenSlices": 2.97,
  "StationName": "AWP166048",
  "TaskName": "ugr",
  "TotalReadoutTime": 0.0193552,
  "TxRefAmp": 259.123,
  "WipMemBlock": "df6e3b76-a5a8-4914-a0cc-6860996ff680||Sequence: R017 nxva30a/master r/d8d65e45a; Feb 10 2025 13:35:02 by eja"
}