{
  "AcquisitionDuration": 418.502,
  "AcquisitionMatrixPE": 80,
  "AcquisitionNumber": 1,
  "AcquisitionTime": "13:18:25.772500",
  "BandwidthPerPixelPhaseEncode": 51.02,
  "BaseResolution": 80,
  "BidsGuess": [
    "func",
    "_acq-epfid2p2_dir-AP_run-22_echo-2_part-phase_bold"
  ],
  "BodyPartExamined": "BRAIN",
  "CoilCombinationMethod": "Sum of Squares",
  "CoilString": "HeadNeck_20",
  "ConversionSoftware": "dcm2niix",
  "ConversionSoftwareVersion": "v1.0.20240202",
  "DerivedVendorReportedEchoSpacing": 0.000490004,
  "DeviceSerialNumber": "166048",
  "DwellTime": 2.5e-06,
  "EchoNumber": 2,
  "EchoTime": 0.03154,
  "EchoTime1": 0.0138,
  "EchoTime2": 0.03154,
  "EchoTrainLength": 34,
  "EffectiveEchoSpacing": 0.000245002,
  "FlipAngle": 50,
  "FrequencyEncodingSteps": 80,
  "HeudiconvVersion": "1.3.3",
  "ImageComments": "Not for diagnostic use, Project: Smith-SRA, Unaliased MB3/PE4/LB SENSE1++",
  "ImageOrientationPatientDICOM": [
    1,
    4.10088e-09,
    2.06706e-08,
    4.10088e-09,
    0.924262,
    -0.381759
  ],
  "ImageType": [
    "ORIGINAL",
    "PRIMARY",
    "FMRI",
    "NONE",
    "PHASE"
  ],
  "ImageTypeText": [
    "ORIGINAL",
    "PRIMARY",
    "P",
    "MB",
    "TE2",
    "ND"
  ],
  "ImagingFrequency": 123.24917,
  "InPlanePhaseEncodingDirectionDICOM": "COL",
  "InstitutionAddress": "North 13th 1701,Philadelphia,PA,US,19122",
  "InstitutionName": "Temple University - Weiss Hall",
  "MRAcquisitionType": "2D",
  "MTState": false,
  "MagneticFieldStrength": 3,
  "Manufacturer": "Siemens",
  "ManufacturersModelName": "MAGNETOM Prisma",
  "MatrixCoilMode": "GRAPPA",
  "Modality": "MR",
  "NonlinearGradientCorrection": false,
  "ParallelAcquisitionTechnique": "GRAPPA",
  "ParallelReductionFactorInPlane": 2,
  "PartialFourier": 0.875,
  "PartialFourierDirection": "PHASE",
  "PatientPosition": "HFS",
  "PercentPhaseFOV": 100,
  "PercentSampling": 100,
  "PhaseEncodingDirection": "j-",
  "PhaseEncodingSteps": 80,
  "PhaseResolution": 1,
  "PixelBandwidth": 2500,
  "ProtocolName": "task-SocialDoors_doors_CMRR_MB3_IP2_ME4_TR1615",
  "PulseSequenceDetails": "%CustomerSeq%\\cmrr_mbep2d_bold",
  "PulseSequenceName": "epfid2d4_80",
  "ReceiveCoilActiveElements": "HE1-4;NE1,2",
  "ReceiveCoilName": "HeadNeck_20",
  "ReconMatrixPE": 80,
  "RefLinesPE": 58,
  "RepetitionTime": 1.615,
  "ScanOptions": "PFP\\FS",
  "ScanningSequence": "EP",
  "SequenceVariant": "SK\\SS",
  "SeriesDescription": "task-SocialDoors_doors_CMRR_MB3_IP2_ME4_TR1615_Pha",
  "SeriesNumber": 22,
  "ShimSetting": [
    3030,
    -11765,
    6732,
    287,
    64,
    -513,
    -66,
    -50
  ],
  "SliceThickness": 2.7,
  "SliceTiming": [
    1.5,
    1.4075,
    1.3125,
    1.22,
    1.125,
    1.0325,
    0.9375,
    0.845,
    0.75,
    0.6575,
    0.5625,
    0.47,
    0.375,
    0.2825,
    0.1875,
    0.095,
    0,
    1.5,
    1.4075,
    1.3125,
    1.22,
    1.125,
    1.0325,
    0.9375,
    0.845,
    0.75,
    0.6575,
    0.5625,
    0.47,
    0.375,
    0.2825,
    0.1875,
    0.095,
    0,
    1.5,
    1.4075,
    1.3125,
    1.22,
    1.125,
    1.0325,
    0.9375,
    0.845,
    0.75,
    0.6575,
    0.5625,
    0.47,
    0.375,
    0.2825,
    0.1875,
    0.095,
    0
  ],
  "SoftwareVersions": "syngo MR XA60",
  "SpacingBetweenSlices": 2.97,
  "StationName": "AWP166048",
  "TaskName": "doors",
  "TotalReadoutTime": 0.0193552,
  "TxRefAmp": 273.177,
  "WipMemBlock": "6679cfc4-a5c4-4540-89d1-594974cceced||Sequence: R017 nxva60a/main r/452845729; Apr 24 2025 10:56:00 by eja"
}