{
  "AcquisitionDuration": 434.582,
  "AcquisitionMatrixPE": 120,
  "AcquisitionNumber": 1,
  "AcquisitionTime": "13:25:15.322500",
  "BandwidthPerPixelPhaseEncode": 30.864,
  "BaseResolution": 120,
  "BidsGuess": [
    "dwi",
    "_acq-epse2p2_dir-AP_run-35_dwi"
],
  "BodyPartExamined": "BRAIN",
  "CoilCombinationMethod": "Sum of Squares",
  "CoilString": "HeadNeck_20",
  "ConversionSoftware": "dcm2niix",
  "ConversionSoftwareVersion": "v1.0.20240202",
  "DerivedVendorReportedEchoSpacing": 0.000540003,
  "DeviceSerialNumber": "166048",
  "DiffusionScheme": "Monopolar",
  "DwellTime": 1.9e-06,
  "EchoTime": 0.085,
  "EchoTrainLength": 59,
  "EffectiveEchoSpacing": 0.000270002,
  "FlipAngle": 90,
  "FrequencyEncodingSteps": 120,
  "HeudiconvVersion": "1.3.3",
  "ImageComments": "Not for diagnostic use, Project: Smith-SRA, Unaliased MB3/PE4 SENSE1",
  "ImageOrientationPatientDICOM": [1, 0, 0, 0, 1, 0],
  "ImageType": [
    "ORIGINAL",
    "PRIMARY",
    "DIFFUSION",
    "NONE"
],
  "ImageTypeText": [
    "ORIGINAL",
    "PRIMARY",
    "DIFFUSION",
    "NONE",
    "MB",
    "ND",
    "NORM"
],
  "ImagingFrequency": 123.249157,
  "InPlanePhaseEncodingDirectionDICOM": "COL",
  "InstitutionAddress": "North 13th 1701,Philadelphia,PA,US,19122",
  "InstitutionName": "Temple University - Weiss Hall",
  "MRAcquisitionType": "2D",
  "MTState": false,
  "MagneticFieldStrength": 3,
  "Manufacturer": "Siemens",
  "ManufacturersModelName": "MAGNETOM Prisma",
  "MatrixCoilMode": "GRAPPA",
  "Modality": "MR",
  "NonlinearGradientCorrection": false,
  "ParallelAcquisitionTechnique": "GRAPPA",
  "ParallelReductionFactorInPlane": 2,
  "PartialFourier": 1,
  "PatientPosition": "HFS",
  "PercentPhaseFOV": 100,
  "PercentSampling": 100,
  "PhaseEncodingDirection": "j-",
  "PhaseEncodingSteps": 120,
  "PhaseResolution": 1,
  "PixelBandwidth": 2193,
  "ProtocolName": "cmrr_mb3hydi_ipat2_64ch",
  "PulseSequenceDetails": "%CustomerSeq%\\cmrr_mbep2d_diff",
  "PulseSequenceName": "epse2d1_120",
  "ReceiveCoilActiveElements": "HE1-4",
  "ReceiveCoilName": "HeadNeck_20",
  "ReconMatrixPE": 120,
  "RefLinesPE": 24,
  "RepetitionTime": 2.72,
  "ScanOptions": "FS",
  "ScanningSequence": "EP",
  "SequenceVariant": "SK\\SS",
  "SeriesDescription": "cmrr_mb3hydi_ipat2_64ch",
  "SeriesNumber": 35,
  "ShimSetting": [3023, -11792, 6738, 247, 26, -396, -65, 5],
  "SliceThickness": 2,
  "SliceTiming": [0, 1.4075, 0.1175, 1.525, 0.235, 1.6425, 0.3525, 1.76, 0.47, 1.8775, 0.5875, 1.995, 0.7025, 2.1125, 0.82, 2.23, 0.9375, 2.3475, 1.055, 2.465, 1.1725, 2.5825, 1.29, 0, 1.4075, 0.1175, 1.525, 0.235, 1.6425, 0.3525, 1.76, 0.47, 1.8775, 0.5875, 1.995, 0.7025, 2.1125, 0.82, 2.23, 0.9375, 2.3475, 1.055, 2.465, 1.1725, 2.5825, 1.29, 0, 1.4075, 0.1175, 1.525, 0.235, 1.6425, 0.3525, 1.76, 0.47, 1.8775, 0.5875, 1.995, 0.7025, 2.1125, 0.82, 2.23, 0.9375, 2.3475, 1.055, 2.465, 1.1725, 2.5825, 1.29],
  "SoftwareVersions": "syngo MR XA60",
  "SpacingBetweenSlices": 2,
  "StationName": "AWP166048",
  "TotalReadoutTime": 0.0321302,
  "TxRefAmp": 325.615,
  "WipMemBlock": "ea20d8a4-79d9-435d-bfc7-ccf76d6e4da8||Sequence: R017 nxva60a/main r/452845729; Apr 24 2025 10:59:32 by eja"
}